{
  "AcquisitionMatrixPE": 104,
  "AcquisitionNumber": 1,
  "AcquisitionTime": "18:08:49.792500",
  "BandwidthPerPixelPhaseEncode": 17.17,
  "BaseResolution": 104,
  "BodyPartExamined": "BRAIN",
  "ConsistencyInfo": "N4_VE11C_LATEST_20160120",
  "ConversionSoftware": "dcm2niix",
  "ConversionSoftwareVersion": "v1.0.20171215 (OpenJPEG build) GCC7.3.0",
  "DerivedVendorReportedEchoSpacing": 0.000560011,
  "DeviceSerialNumber": "167006",
  "DwellTime": 2.1e-06,
  "EchoTime": 0.037,
  "EchoTrainLength": 104,
  "EffectiveEchoSpacing": 0.000560011,
  "FlipAngle": 52,
  "ImageComments": "Single-band_reference",
  "ImageOrientationPatientDICOM": [0.997489, 0.056385, 0.0428609, -0.0426792, 0.961468, -0.271584],
  "ImageType": [
    "ORIGINAL",
    "PRIMARY",
    "M",
    "ND",
    "MOSAIC"
],
  "InPlanePhaseEncodingDirectionDICOM": "COL",
  "InstitutionAddress": "Chemin_Queen-Mary_4565_Montreal_District_CA_H3W_1W5",
  "InstitutionName": "IUGM",
  "InstitutionalDepartmentName": "Department",
  "MRAcquisitionType": "2D",
  "MagneticFieldStrength": 3,
  "Manufacturer": "Siemens",
  "ManufacturersModelName": "Prisma_fit",
  "Modality": "MR",
  "PartialFourier": 1,
  "PatientPosition": "HFS",
  "PercentPhaseFOV": 100,
  "PhaseEncodingDirection": "j-",
  "PhaseEncodingSteps": 104,
  "PhaseResolution": 1,
  "PixelBandwidth": 2290,
  "ProcedureStepDescription": "video5_generic",
  "ProtocolName": "func_task-bournesupremacy_run-4_SBRef",
  "PulseSequenceDetails": "%CustomerSeq%_cmrr_mbep2d_bold",
  "ReceiveCoilActiveElements": "HC1-7;NC1,2",
  "ReceiveCoilName": "HeadNeck_64",
  "ReconMatrixPE": 104,
  "RepetitionTime": 1.49,
  "SAR": 0.0390121,
  "ScanOptions": "FS",
  "ScanningSequence": "EP",
  "SequenceName": "epfid2d1_104",
  "SequenceVariant": "SK_SS",
  "SeriesDescription": "func_task-bournesupremacy_run-4_SBRef",
  "SeriesNumber": 19,
  "ShimSetting": [632, -7193, -8845, 680, 110, 60, -34, -14],
  "SliceThickness": 2,
  "SliceTiming": [0, 0.0975, 0.195, 0.2925, 0.39, 0.49, 0.5875, 0.685, 0.7825, 0.88, 0.98, 1.0775, 1.175, 1.2725, 1.37, 1.47, 1.5675, 1.665, 1.7625, 1.86, 1.96, 2.0575, 2.155, 2.2525, 2.35, 2.45, 2.5475, 2.645, 2.7425, 2.84, 2.94, 3.0375, 3.135, 3.2325, 3.33, 3.4275, 3.5275, 3.625, 3.7225, 3.82, 3.9175, 4.0175, 4.115, 4.2125, 4.31, 4.4075, 4.5075, 4.605, 4.7025, 4.8, 4.8975, 4.9975, 5.095, 5.1925, 5.29, 5.3875, 5.4875, 5.585, 5.6825, 5.78],
  "SoftwareVersions": "syngo_MR_E11",
  "SpacingBetweenSlices": 2,
  "StationName": "MRC35049",
  "TaskName": "bournesupremacy",
  "TotalReadoutTime": 0.0576811,
  "TxRefAmp": 251.017,
  "dcmmeta_affine": [
    [-1.994977355003357, -0.08535848557949066, 0.11304523050785065, 108.31427001953125],
    [-0.11277005076408386, 1.9229358434677124, -0.5381457805633545, -56.57414627075195],
    [0.0857217088341713, 0.5431683659553528, 1.9229196310043335, -65.4446029663086],
    [0.0, 0.0, 0.0, 1.0]
],
  "dcmmeta_reorient_transform": [
    [0.0, -1.0, 0.0, 103.0],
    [1.0, 0.0, 0.0, 0.0],
    [0.0, 0.0, 1.0, 0.0],
    [0.0, 0.0, 0.0, 1.0]
],
  "dcmmeta_shape": [104, 104, 60],
  "dcmmeta_slice_dim": 2,
  "dcmmeta_version": 0.6,
  "global": {
    "const": {
      "AcquisitionMatrix": [104, 0, 0, 104],
      "AcquisitionNumber": 1,
      "AcquisitionTime": "180849.792500",
      "AngioFlag": "N",
      "BitsAllocated": 16,
      "BitsStored": 16,
      "BodyPartExamined": "BRAIN",
      "Columns": 832,
      "ContentTime": "181033.379000",
      "EchoNumbers": 1,
      "EchoTime": 37.0,
      "EchoTrainLength": 104,
      "FlipAngle": 52.0,
      "HighBit": 15,
      "ImageOrientationPatient": [0.99748868466055, 0.05638502640534, 0.04286085360134, -0.0426792435738, 0.96146789424225, -0.2715841867807],
      "ImagePositionPatient": [-794.62361891475, -882.48516455521, 157.01232507657],
      "ImageType": [
        "ORIGINAL",
        "PRIMARY",
        "M",
        "ND",
        "MOSAIC"
],
      "ImagedNucleus": "1H",
      "ImagingFrequency": 123.259484,
      "InPlanePhaseEncodingDirection": "COL",
      "InstanceCreationTime": "181033.379000",
      "InstanceNumber": 1,
      "LargestImagePixelValue": 60616,
      "MRAcquisitionType": "2D",
      "MagneticFieldStrength": 3.0,
      "Manufacturer": "SIEMENS",
      "ManufacturerModelName": "Prisma_fit",
      "Modality": "MR",
      "NumberOfAverages": 1.0,
      "NumberOfPhaseEncodingSteps": 104,
      "PercentPhaseFieldOfView": 100.0,
      "PercentSampling": 100.0,
      "PerformedProcedureStepStartTime": "170854.303000",
      "PhotometricInterpretation": "MONOCHROME2",
      "PixelBandwidth": 2290.0,
      "PixelRepresentation": 0,
      "PixelSpacing": [2.0, 2.0],
      "ProtocolName": "func_task-bournesupremacy_run-4_SBRef",
      "RepetitionTime": 1490.0,
      "Rows": 832,
      "SAR": 0.03901214249096,
      "SamplesPerPixel": 1,
      "ScanOptions": "FS",
      "ScanningSequence": "EP",
      "SequenceName": "epfid2d1_104",
      "SequenceVariant": [
        "SK",
        "SS"
],
      "SeriesDescription": "func_task-bournesupremacy_run-4_SBRef",
      "SeriesNumber": 19,
      "SeriesTime": "181033.375000",
      "SliceLocation": -41.577581772017,
      "SliceThickness": 2.0,
      "SmallestImagePixelValue": 0,
      "SoftwareVersions": "syngo MR E11",
      "SpacingBetweenSlices": 2.0000000074168,
      "SpecificCharacterSet": "ISO_IR 100",
      "StudyID": "1",
      "StudyTime": "170854.237000",
      "TransmitCoilName": "Body",
      "VariableFlipAngleFlag": "N",
      "WindowCenter": 12249.0,
      "WindowCenterWidthExplanation": "Algo1",
      "WindowWidth": 25927.0,
      "dBdt": 0.0},
    "slices": {}
  }
}