{
  "AcquisitionNumber": 1,
  "AcquisitionTime": "11:11:44.005000",
  "BaseResolution": 160,
  "BodyPartExamined": "BRAIN",
  "ConsistencyInfo": "N4_VE11C_LATEST_20160120",
  "ConversionSoftware": "dcm2niix",
  "ConversionSoftwareVersion": "v1.0.20171215 (OpenJPEG build) GCC7.3.0",
  "DeviceSerialNumber": "167006",
  "DwellTime": 5.8e-06,
  "EchoTime": 0.00137,
  "FlipAngle": 8,
  "ImageOrientationPatientDICOM": [
    -0.604188,
    0.698135,
    0.38414,
    0.0153002,
    0.492154,
    -0.870374
  ],
  "ImageType": [
    "DERIVED",
    "PRIMARY",
    "MPR",
    "ND",
    "NORM"
  ],
  "InstitutionAddress": "Chemin_Queen-Mary_4565_Montreal_District_CA_H3W_1W5",
  "InstitutionName": "IUGM",
  "InstitutionalDepartmentName": "Department",
  "MRAcquisitionType": "3D",
  "MagneticFieldStrength": 3,
  "Manufacturer": "Siemens",
  "ManufacturersModelName": "Prisma_fit",
  "Modality": "MR",
  "ParallelReductionFactorInPlane": 3,
  "PartialFourier": 0.75,
  "PatientPosition": "HFS",
  "PercentPhaseFOV": 100,
  "PhaseEncodingSteps": 118,
  "PhaseResolution": 1,
  "PixelBandwidth": 540,
  "ProcedureStepDescription": "video5_generic",
  "ProtocolName": "AAHead_Scout",
  "PulseSequenceDetails": "%SiemensSeq%_AALScout",
  "RawImage": false,
  "ReceiveCoilActiveElements": "HC1-7;NC1,2",
  "ReceiveCoilName": "HeadNeck_64",
  "ReconMatrixPE": 162,
  "RepetitionTime": 0.00315,
  "SAR": 0.020868,
  "ScanOptions": "PFP",
  "ScanningSequence": "GR",
  "SequenceName": "_fl3d1_ns",
  "SequenceVariant": "SP",
  "SeriesDescription": "AAHead_Scout_MPR_sag",
  "SeriesNumber": 17,
  "ShimSetting": [
    620,
    -7194,
    -9127,
    77,
    28,
    -20,
    -10,
    -23
  ],
  "SliceThickness": 1.6,
  "SoftwareVersions": "syngo_MR_E11",
  "StationName": "MRC35049",
  "TxRefAmp": 247.651
}