{
  "AcquisitionMatrixPE": 104,
  "AcquisitionNumber": 1,
  "AcquisitionTime": "12:01:23.645000",
  "BandwidthPerPixelPhaseEncode": 17.17,
  "BaseResolution": 104,
  "BodyPartExamined": "BRAIN",
  "CoilString": "HC1-7;NC1_2",
  "ConsistencyInfo": "N4_VE11C_LATEST_20160120",
  "ConversionSoftware": "dcm2niix",
  "ConversionSoftwareVersion": "v1.0.20190720  (JP2:OpenJPEG) GCC7.3.0",
  "DerivedVendorReportedEchoSpacing": 0.000560011,
  "DeviceSerialNumber": "167006",
  "DwellTime": 2.1e-06,
  "EchoTime": 0.037,
  "EchoTrainLength": 104,
  "EffectiveEchoSpacing": 0.000560011,
  "FlipAngle": 52,
  "ImageComments": "Unaliased_MB4_PE3_LB",
  "ImageOrientationPatientDICOM": [0.996803, 0.0454616, -0.065702, -0.0527636, 0.992072, -0.114057],
  "ImageType": [
    "ORIGINAL",
    "PRIMARY",
    "M",
    "MB",
    "ND",
    "MOSAIC"
],
  "ImagingFrequency": 123.259,
  "InPlanePhaseEncodingDirectionDICOM": "COL",
  "InstitutionAddress": "Chemin_Queen-Mary_4565_Montreal_District_CA_H3W_1W5",
  "InstitutionName": "IUGM",
  "InstitutionalDepartmentName": "Department",
  "MRAcquisitionType": "2D",
  "MagneticFieldStrength": 3,
  "Manufacturer": "Siemens",
  "ManufacturersModelName": "Prisma_fit",
  "Modality": "MR",
  "MultibandAccelerationFactor": 4,
  "PartialFourier": 1,
  "PatientPosition": "HFS",
  "PercentPhaseFOV": 100,
  "PhaseEncodingDirection": "j-",
  "PhaseEncodingSteps": 104,
  "PhaseResolution": 1,
  "PixelBandwidth": 2290,
  "ProcedureStepDescription": "video5_generic",
  "ProtocolName": "func_task-figures09",
  "PulseSequenceDetails": "%CustomerSeq%_cmrr_mbep2d_bold",
  "ReceiveCoilActiveElements": "HC1-7;NC1,2",
  "ReceiveCoilName": "HeadNeck_64",
  "ReconMatrixPE": 104,
  "RepetitionTime": 1.49,
  "SAR": 0.031069,
  "ScanOptions": "FS",
  "ScanningSequence": "EP",
  "SequenceName": "epfid2d1_104",
  "SequenceVariant": "SK_SS",
  "SeriesDescription": "func_task-figures09",
  "SeriesNumber": 11,
  "ShimSetting": [601, -7239, -8858, 596, -33, -261, 47, 41],
  "SliceThickness": 2,
  "SliceTiming": [0, 0.785, 0.0975, 0.8825, 0.195, 0.98, 0.295, 1.0775, 0.3925, 1.175, 0.49, 1.275, 0.5875, 1.3725, 0.685, 0, 0.785, 0.0975, 0.8825, 0.195, 0.98, 0.295, 1.0775, 0.3925, 1.175, 0.49, 1.275, 0.5875, 1.3725, 0.685, 0, 0.785, 0.0975, 0.8825, 0.195, 0.98, 0.295, 1.0775, 0.3925, 1.175, 0.49, 1.275, 0.5875, 1.3725, 0.685, 0, 0.785, 0.0975, 0.8825, 0.195, 0.98, 0.295, 1.0775, 0.3925, 1.175, 0.49, 1.275, 0.5875, 1.3725, 0.685],
  "SoftwareVersions": "syngo_MR_E11",
  "SpacingBetweenSlices": 2,
  "StationName": "MRC35049",
  "TaskName": "figures09",
  "TotalReadoutTime": 0.0576811,
  "TxRefAmp": 216.268,
  "WipMemBlock": "d01dd5a4-123a-43aa-9ac5-3bd982cde7df||Sequence: R016 ve11c/master r/e634e98; Dec 19 2017 11:00:25 by eja",
  "dcmmeta_affine": [
    [-1.9936062097549438, -0.10552723705768585, -0.11999192088842392, 110.6579360961914],
    [-0.09092318266630173, 1.9841442108154297, -0.2343176007270813, -82.63350677490234],
    [-0.1314040720462799, 0.22811348736286163, 1.9825986623764038, -48.725345611572266],
    [0.0, 0.0, 0.0, 1.0]
],
  "dcmmeta_reorient_transform": [
    [0.0, -1.0, 0.0, 103.0],
    [1.0, 0.0, 0.0, 0.0],
    [0.0, 0.0, 1.0, 0.0],
    [0.0, 0.0, 0.0, 1.0]
],
  "dcmmeta_shape": [104, 104, 60, 23],
  "dcmmeta_slice_dim": 2,
  "dcmmeta_version": 0.6,
  "global": {
    "const": {
      "AcquisitionMatrix": [104, 0, 0, 104],
      "AngioFlag": "N",
      "BitsAllocated": 16,
      "BitsStored": 16,
      "BodyPartExamined": "BRAIN",
      "Columns": 832,
      "EchoNumbers": 1,
      "EchoTime": 37.0,
      "EchoTrainLength": 104,
      "FlipAngle": 52.0,
      "HighBit": 15,
      "ImageOrientationPatient": [0.99680313288554, 0.0454615931663, -0.0657020381446, -0.0527636172917, 0.9920721039948, -0.1140567453754],
      "ImagePositionPatient": [-787.04940153499, -877.05787574446, 105.63473971237],
      "ImageType": [
        "ORIGINAL",
        "PRIMARY",
        "M",
        "MB",
        "ND",
        "MOSAIC"
],
      "ImagedNucleus": "1H",
      "ImagingFrequency": 123.259147,
      "InPlanePhaseEncodingDirection": "COL",
      "MRAcquisitionType": "2D",
      "MagneticFieldStrength": 3.0,
      "Manufacturer": "SIEMENS",
      "ManufacturerModelName": "Prisma_fit",
      "Modality": "MR",
      "NumberOfAverages": 1.0,
      "NumberOfPhaseEncodingSteps": 104,
      "PercentPhaseFieldOfView": 100.0,
      "PercentSampling": 100.0,
      "PerformedProcedureStepStartTime": "113652.581000",
      "PhotometricInterpretation": "MONOCHROME2",
      "PixelBandwidth": 2290.0,
      "PixelRepresentation": 0,
      "PixelSpacing": [2.0, 2.0],
      "ProtocolName": "func_task-figures09",
      "RepetitionTime": 1490.0,
      "Rows": 832,
      "SAR": 0.03106901447909,
      "SamplesPerPixel": 1,
      "ScanOptions": "FS",
      "ScanningSequence": "EP",
      "SequenceName": "epfid2d1_104",
      "SequenceVariant": [
        "SK",
        "SS"
],
      "SeriesDescription": "func_task-figures09",
      "SeriesNumber": 11,
      "SeriesTime": "120239.460000",
      "SliceLocation": -45.259186032826,
      "SliceThickness": 2.0,
      "SmallestImagePixelValue": 0,
      "SoftwareVersions": "syngo MR E11",
      "SpacingBetweenSlices": 2.0000000460596,
      "SpecificCharacterSet": "ISO_IR 100",
      "StudyID": "1",
      "StudyTime": "113652.474000",
      "TransmitCoilName": "Body",
      "VariableFlipAngleFlag": "N",
      "WindowCenterWidthExplanation": "Algo1",
      "dBdt": 0.0},
    "slices": {}
  },
  "time": {
    "samples": {
      "AcquisitionNumber": [1, 2, 3, 4, 5, 6, 7, 8, 9, 10, 11, 12, 13, 14, 15, 16, 17, 18, 19, 20, 21, 22, 23],
      "AcquisitionTime": ["120123.645000", "120125.135000", "120126.625000", "120128.115000", "120129.605000", "120131.095000", "120132.585000", "120134.075000", "120135.565000", "120137.055000", "120138.545000", "120140.035000", "120141.525000", "120143.015000", "120144.505000", "120145.995000", "120147.485000", "120148.975000", "120150.465000", "120151.955000", "120153.445000", "120154.935000", "120156.425000"],
      "ContentTime": ["120239.464000", "120239.468000", "120239.478000", "120239.481000", "120239.484000", "120239.487000", "120239.496000", "120239.499000", "120239.501000", "120239.504000", "120239.507000", "120239.510000", "120239.513000", "120239.516000", "120239.518000", "120239.521000", "120239.524000", "120239.527000", "120239.537000", "120239.540000", "120239.543000", "120239.545000", "120239.548000"],
      "InstanceCreationTime": ["120239.464000", "120239.468000", "120239.478000", "120239.481000", "120239.484000", "120239.487000", "120239.496000", "120239.499000", "120239.501000", "120239.504000", "120239.507000", "120239.510000", "120239.513000", "120239.516000", "120239.518000", "120239.521000", "120239.524000", "120239.527000", "120239.537000", "120239.540000", "120239.543000", "120239.545000", "120239.548000"],
      "InstanceNumber": [1, 2, 3, 4, 5, 6, 7, 8, 9, 10, 11, 12, 13, 14, 15, 16, 17, 18, 19, 20, 21, 22, 23],
      "LargestImagePixelValue": [48871, 47716, 46990, 46616, 45867, 46118, 46313, 45892, 46236, 46193, 45684, 46071, 46097, 46634, 46404, 46011, 46299, 46301, 45881, 45659, 46019, 45977, 46757],
      "WindowCenter": [10281.0, 10236.0, 10208.0, 10214.0, 10218.0, 10233.0, 10247.0, 10245.0, 10259.0, 10245.0, 10227.0, 10201.0, 10195.0, 10218.0, 10238.0, 10243.0, 10241.0, 10240.0, 10247.0, 10251.0, 10244.0, 10234.0, 10235.0],
      "WindowWidth": [21990.0, 21860.0, 21782.0, 21785.0, 21793.0, 21828.0, 21860.0, 21860.0, 21888.0, 21857.0, 21812.0, 21750.0, 21736.0, 21792.0, 21839.0, 21853.0, 21844.0, 21842.0, 21861.0, 21871.0, 21853.0, 21830.0, 21828.0]
    },
    "slices": {}
  }
}