{
  "AcquisitionMatrixPE": 104,
  "AcquisitionNumber": 1,
  "AcquisitionTime": "11:59:14.142500",
  "BandwidthPerPixelPhaseEncode": 17.17,
  "BaseResolution": 104,
  "BodyPartExamined": "BRAIN",
  "CoilString": "HC1-7;NC1_2",
  "ConsistencyInfo": "N4_VE11C_LATEST_20160120",
  "ConversionSoftware": "dcm2niix",
  "ConversionSoftwareVersion": "v1.0.20190720  (JP2:OpenJPEG) GCC7.3.0",
  "DerivedVendorReportedEchoSpacing": 0.000560011,
  "DeviceSerialNumber": "167006",
  "DwellTime": 2.1e-06,
  "EchoTime": 0.037,
  "EchoTrainLength": 104,
  "EffectiveEchoSpacing": 0.000560011,
  "FlipAngle": 52,
  "ImageComments": "Unaliased_MB4_PE3_LB",
  "ImageOrientationPatientDICOM": [0.996803, 0.0454616, -0.065702, -0.0527636, 0.992072, -0.114057],
  "ImageType": [
    "ORIGINAL",
    "PRIMARY",
    "M",
    "MB",
    "ND",
    "MOSAIC"
],
  "ImagingFrequency": 123.259,
  "InPlanePhaseEncodingDirectionDICOM": "COL",
  "InstitutionAddress": "Chemin_Queen-Mary_4565_Montreal_District_CA_H3W_1W5",
  "InstitutionName": "IUGM",
  "InstitutionalDepartmentName": "Department",
  "MRAcquisitionType": "2D",
  "MagneticFieldStrength": 3,
  "Manufacturer": "Siemens",
  "ManufacturersModelName": "Prisma_fit",
  "Modality": "MR",
  "MultibandAccelerationFactor": 4,
  "PartialFourier": 1,
  "PatientPosition": "HFS",
  "PercentPhaseFOV": 100,
  "PhaseEncodingDirection": "j-",
  "PhaseEncodingSteps": 104,
  "PhaseResolution": 1,
  "PixelBandwidth": 2290,
  "ProcedureStepDescription": "video5_generic",
  "ProtocolName": "func_task-figures09",
  "PulseSequenceDetails": "%CustomerSeq%_cmrr_mbep2d_bold",
  "ReceiveCoilActiveElements": "HC1-7;NC1,2",
  "ReceiveCoilName": "HeadNeck_64",
  "ReconMatrixPE": 104,
  "RepetitionTime": 1.49,
  "SAR": 0.031069,
  "ScanOptions": "FS",
  "ScanningSequence": "EP",
  "SequenceName": "epfid2d1_104",
  "SequenceVariant": "SK_SS",
  "SeriesDescription": "func_task-figures09",
  "SeriesNumber": 9,
  "ShimSetting": [601, -7239, -8858, 596, -33, -261, 47, 41],
  "SliceThickness": 2,
  "SliceTiming": [0, 0.7825, 0.0975, 0.88, 0.195, 0.98, 0.2925, 1.0775, 0.39, 1.175, 0.49, 1.2725, 0.5875, 1.37, 0.685, 0, 0.7825, 0.0975, 0.88, 0.195, 0.98, 0.2925, 1.0775, 0.39, 1.175, 0.49, 1.2725, 0.5875, 1.37, 0.685, 0, 0.7825, 0.0975, 0.88, 0.195, 0.98, 0.2925, 1.0775, 0.39, 1.175, 0.49, 1.2725, 0.5875, 1.37, 0.685, 0, 0.7825, 0.0975, 0.88, 0.195, 0.98, 0.2925, 1.0775, 0.39, 1.175, 0.49, 1.2725, 0.5875, 1.37, 0.685],
  "SoftwareVersions": "syngo_MR_E11",
  "SpacingBetweenSlices": 2,
  "StationName": "MRC35049",
  "TaskName": "figures09",
  "TotalReadoutTime": 0.0576811,
  "TxRefAmp": 216.268,
  "WipMemBlock": "9b249ac9-ea97-4461-a7ff-92846bee77ee||Sequence: R016 ve11c/master r/e634e98; Dec 19 2017 11:00:25 by eja",
  "dcmmeta_affine": [
    [-1.9936062097549438, -0.10552723705768585, -0.11999192088842392, 110.6579360961914],
    [-0.09092318266630173, 1.9841442108154297, -0.2343176007270813, -82.63350677490234],
    [-0.1314040720462799, 0.22811348736286163, 1.9825986623764038, -48.725345611572266],
    [0.0, 0.0, 0.0, 1.0]
],
  "dcmmeta_reorient_transform": [
    [0.0, -1.0, 0.0, 103.0],
    [1.0, 0.0, 0.0, 0.0],
    [0.0, 0.0, 1.0, 0.0],
    [0.0, 0.0, 0.0, 1.0]
],
  "dcmmeta_shape": [104, 104, 60, 18],
  "dcmmeta_slice_dim": 2,
  "dcmmeta_version": 0.6,
  "global": {
    "const": {
      "AcquisitionMatrix": [104, 0, 0, 104],
      "AngioFlag": "N",
      "BitsAllocated": 16,
      "BitsStored": 16,
      "BodyPartExamined": "BRAIN",
      "Columns": 832,
      "EchoNumbers": 1,
      "EchoTime": 37.0,
      "EchoTrainLength": 104,
      "FlipAngle": 52.0,
      "HighBit": 15,
      "ImageOrientationPatient": [0.99680313288554, 0.0454615931663, -0.0657020381446, -0.0527636172917, 0.9920721039948, -0.1140567453754],
      "ImagePositionPatient": [-787.04940153499, -877.05787574446, 105.63473971237],
      "ImageType": [
        "ORIGINAL",
        "PRIMARY",
        "M",
        "MB",
        "ND",
        "MOSAIC"
],
      "ImagedNucleus": "1H",
      "ImagingFrequency": 123.259146,
      "InPlanePhaseEncodingDirection": "COL",
      "MRAcquisitionType": "2D",
      "MagneticFieldStrength": 3.0,
      "Manufacturer": "SIEMENS",
      "ManufacturerModelName": "Prisma_fit",
      "Modality": "MR",
      "NumberOfAverages": 1.0,
      "NumberOfPhaseEncodingSteps": 104,
      "PercentPhaseFieldOfView": 100.0,
      "PercentSampling": 100.0,
      "PerformedProcedureStepStartTime": "113652.581000",
      "PhotometricInterpretation": "MONOCHROME2",
      "PixelBandwidth": 2290.0,
      "PixelRepresentation": 0,
      "PixelSpacing": [2.0, 2.0],
      "ProtocolName": "func_task-figures09",
      "RepetitionTime": 1490.0,
      "Rows": 832,
      "SAR": 0.03106901447909,
      "SamplesPerPixel": 1,
      "ScanOptions": "FS",
      "ScanningSequence": "EP",
      "SequenceName": "epfid2d1_104",
      "SequenceVariant": [
        "SK",
        "SS"
],
      "SeriesDescription": "func_task-figures09",
      "SeriesNumber": 9,
      "SeriesTime": "120022.653000",
      "SliceLocation": -45.259186032826,
      "SliceThickness": 2.0,
      "SmallestImagePixelValue": 0,
      "SoftwareVersions": "syngo MR E11",
      "SpacingBetweenSlices": 2.0000000460596,
      "SpecificCharacterSet": "ISO_IR 100",
      "StudyID": "1",
      "StudyTime": "113652.474000",
      "TransmitCoilName": "Body",
      "VariableFlipAngleFlag": "N",
      "WindowCenterWidthExplanation": "Algo1",
      "dBdt": 0.0},
    "slices": {}
  },
  "time": {
    "samples": {
      "AcquisitionNumber": [1, 2, 3, 4, 5, 6, 7, 8, 9, 10, 11, 12, 13, 14, 15, 16, 17, 18],
      "AcquisitionTime": ["115914.142500", "115915.632500", "115917.122500", "115918.612500", "115920.102500", "115921.592500", "115923.082500", "115924.572500", "115926.062500", "115927.552500", "115929.042500", "115930.532500", "115932.022500", "115933.512500", "115935.002500", "115936.492500", "115937.982500", "115939.472500"],
      "ContentTime": ["120022.657000", "120022.660000", "120022.663000", "120022.666000", "120022.669000", "120022.671000", "120022.674000", "120022.677000", "120022.680000", "120022.683000", "120022.685000", "120022.688000", "120022.691000", "120022.694000", "120022.705000", "120022.707000", "120022.710000", "120022.713000"],
      "InstanceCreationTime": ["120022.657000", "120022.660000", "120022.663000", "120022.666000", "120022.669000", "120022.671000", "120022.674000", "120022.677000", "120022.680000", "120022.683000", "120022.685000", "120022.688000", "120022.691000", "120022.694000", "120022.705000", "120022.707000", "120022.710000", "120022.713000"],
      "InstanceNumber": [1, 2, 3, 4, 5, 6, 7, 8, 9, 10, 11, 12, 13, 14, 15, 16, 17, 18],
      "LargestImagePixelValue": [48467, 47513, 46828, 46364, 45819, 45565, 45745, 45315, 45864, 45261, 45144, 44193, 44332, 44100, 44509, 44609, 44868, 44599],
      "WindowCenter": [10273.0, 10251.0, 10241.0, 10234.0, 10231.0, 10247.0, 10263.0, 10259.0, 10257.0, 10246.0, 10253.0, 10243.0, 10234.0, 10217.0, 10214.0, 10230.0, 10257.0, 10268.0],
      "WindowWidth": [21975.0, 21898.0, 21862.0, 21837.0, 21826.0, 21862.0, 21897.0, 21888.0, 21881.0, 21859.0, 21871.0, 21849.0, 21825.0, 21787.0, 21779.0, 21815.0, 21881.0, 21907.0]
    },
    "slices": {}
  }
}