{
  "AcquisitionMatrixPE": 104,
  "AcquisitionNumber": 1,
  "AcquisitionTime": "12:14:22.810000",
  "BandwidthPerPixelPhaseEncode": 17.17,
  "BaseResolution": 104,
  "BodyPartExamined": "BRAIN",
  "CoilString": "HC1-7;NC1_2",
  "ConsistencyInfo": "N4_VE11C_LATEST_20160120",
  "ConversionSoftware": "dcm2niix",
  "ConversionSoftwareVersion": "v1.0.20190720  (JP2:OpenJPEG) GCC7.3.0",
  "DerivedVendorReportedEchoSpacing": 0.000560011,
  "DeviceSerialNumber": "167006",
  "DwellTime": 2.1e-06,
  "EchoTime": 0.037,
  "EchoTrainLength": 104,
  "EffectiveEchoSpacing": 0.000560011,
  "FlipAngle": 52,
  "ImageComments": "Single-band_reference",
  "ImageOrientationPatientDICOM": [
    0.996803,
    0.0454616,
    -0.065702,
    -0.0527636,
    0.992072,
    -0.114057
  ],
  "ImageType": [
    "ORIGINAL",
    "PRIMARY",
    "M",
    "ND",
    "MOSAIC"
  ],
  "ImagingFrequency": 123.259,
  "InPlanePhaseEncodingDirectionDICOM": "COL",
  "InstitutionAddress": "Chemin_Queen-Mary_4565_Montreal_District_CA_H3W_1W5",
  "InstitutionName": "IUGM",
  "InstitutionalDepartmentName": "Department",
  "IntendedFor": [
    "ses-006/func/sub-04_ses-006_task-figures10_run-01_bold.nii.gz"
  ],
  "MRAcquisitionType": "2D",
  "MagneticFieldStrength": 3,
  "Manufacturer": "Siemens",
  "ManufacturersModelName": "Prisma_fit",
  "Modality": "MR",
  "PartialFourier": 1,
  "PatientPosition": "HFS",
  "PercentPhaseFOV": 100,
  "PhaseEncodingDirection": "j-",
  "PhaseEncodingSteps": 104,
  "PhaseResolution": 1,
  "PixelBandwidth": 2290,
  "ProcedureStepDescription": "video5_generic",
  "ProtocolName": "func_task-figures10",
  "PulseSequenceDetails": "%CustomerSeq%_cmrr_mbep2d_bold",
  "ReceiveCoilActiveElements": "HC1-7;NC1,2",
  "ReceiveCoilName": "HeadNeck_64",
  "ReconMatrixPE": 104,
  "RepetitionTime": 1.49,
  "SAR": 0.0310686,
  "ScanOptions": "FS",
  "ScanningSequence": "EP",
  "SequenceName": "epfid2d1_104",
  "SequenceVariant": "SK_SS",
  "SeriesDescription": "func_task-figures10_SBRef",
  "SeriesNumber": 14,
  "ShimSetting": [
    601,
    -7239,
    -8858,
    596,
    -33,
    -261,
    47,
    41
  ],
  "SliceThickness": 2,
  "SliceTiming": [
    0,
    0.1,
    0.1975,
    0.295,
    0.3925,
    0.49,
    0.59,
    0.6875,
    0.785,
    0.8825,
    0.98,
    1.08,
    1.1775,
    1.275,
    1.3725,
    1.47,
    1.5675,
    1.6675,
    1.765,
    1.8625,
    1.96,
    2.0575,
    2.1575,
    2.255,
    2.3525,
    2.45,
    2.5475,
    2.6475,
    2.745,
    2.8425,
    2.94,
    3.0375,
    3.1375,
    3.235,
    3.3325,
    3.43,
    3.5275,
    3.6275,
    3.725,
    3.8225,
    3.92,
    4.0175,
    4.1175,
    4.215,
    4.3125,
    4.41,
    4.5075,
    4.6075,
    4.705,
    4.8025,
    4.9,
    4.9975,
    5.0975,
    5.195,
    5.2925,
    5.39,
    5.4875,
    5.5875,
    5.685,
    5.7825
  ],
  "SoftwareVersions": "syngo_MR_E11",
  "SpacingBetweenSlices": 2,
  "StationName": "MRC35049",
  "TotalReadoutTime": 0.0576811,
  "TxRefAmp": 216.268,
  "WipMemBlock": "92a2969c-f04f-4b54-a71f-f80c414d94f9||Sequence: R016 ve11c/master r/e634e98; Dec 19 2017 11:00:25 by eja",
  "dcmmeta_affine": [
    [
      -1.9936062097549438,
      -0.10552723705768585,
      -0.11999192088842392,
      110.6579360961914
    ],
    [
      -0.09092318266630173,
      1.9841442108154297,
      -0.2343176007270813,
      -82.63350677490234
    ],
    [
      -0.1314040720462799,
      0.22811348736286163,
      1.9825986623764038,
      -48.725345611572266
    ],
    [
      0.0,
      0.0,
      0.0,
      1.0
    ]
  ],
  "dcmmeta_reorient_transform": [
    [
      0.0,
      -1.0,
      0.0,
      103.0
    ],
    [
      1.0,
      0.0,
      0.0,
      0.0
    ],
    [
      0.0,
      0.0,
      1.0,
      0.0
    ],
    [
      0.0,
      0.0,
      0.0,
      1.0
    ]
  ],
  "dcmmeta_shape": [
    104,
    104,
    60
  ],
  "dcmmeta_slice_dim": 2,
  "dcmmeta_version": 0.6,
  "global": {
    "const": {
      "AcquisitionMatrix": [
        104,
        0,
        0,
        104
      ],
      "AcquisitionNumber": 1,
      "AcquisitionTime": "121422.810000",
      "AngioFlag": "N",
      "BitsAllocated": 16,
      "BitsStored": 16,
      "BodyPartExamined": "BRAIN",
      "Columns": 832,
      "ContentTime": "121543.190000",
      "EchoNumbers": 1,
      "EchoTime": 37.0,
      "EchoTrainLength": 104,
      "FlipAngle": 52.0,
      "HighBit": 15,
      "ImageOrientationPatient": [
        0.99680313288554,
        0.0454615931663,
        -0.0657020381446,
        -0.0527636172917,
        0.9920721039948,
        -0.1140567453754
      ],
      "ImagePositionPatient": [
        -787.04940153499,
        -877.05787574446,
        105.63473971237
      ],
      "ImageType": [
        "ORIGINAL",
        "PRIMARY",
        "M",
        "ND",
        "MOSAIC"
      ],
      "ImagedNucleus": "1H",
      "ImagingFrequency": 123.259156,
      "InPlanePhaseEncodingDirection": "COL",
      "InstanceCreationTime": "121543.190000",
      "InstanceNumber": 1,
      "LargestImagePixelValue": 65535,
      "MRAcquisitionType": "2D",
      "MagneticFieldStrength": 3.0,
      "Manufacturer": "SIEMENS",
      "ManufacturerModelName": "Prisma_fit",
      "Modality": "MR",
      "NumberOfAverages": 1.0,
      "NumberOfPhaseEncodingSteps": 104,
      "PercentPhaseFieldOfView": 100.0,
      "PercentSampling": 100.0,
      "PerformedProcedureStepStartTime": "113652.581000",
      "PhotometricInterpretation": "MONOCHROME2",
      "PixelBandwidth": 2290.0,
      "PixelRepresentation": 0,
      "PixelSpacing": [
        2.0,
        2.0
      ],
      "ProtocolName": "func_task-figures10",
      "RepetitionTime": 1490.0,
      "Rows": 832,
      "SAR": 0.03106864947648,
      "SamplesPerPixel": 1,
      "ScanOptions": "FS",
      "ScanningSequence": "EP",
      "SequenceName": "epfid2d1_104",
      "SequenceVariant": [
        "SK",
        "SS"
      ],
      "SeriesDescription": "func_task-figures10_SBRef",
      "SeriesNumber": 14,
      "SeriesTime": "121543.186000",
      "SliceLocation": -45.259186032826,
      "SliceThickness": 2.0,
      "SmallestImagePixelValue": 0,
      "SoftwareVersions": "syngo MR E11",
      "SpacingBetweenSlices": 2.0000000460596,
      "SpecificCharacterSet": "ISO_IR 100",
      "StudyID": "1",
      "StudyTime": "113652.474000",
      "TransmitCoilName": "Body",
      "VariableFlipAngleFlag": "N",
      "WindowCenter": 12143.0,
      "WindowCenterWidthExplanation": "Algo1",
      "WindowWidth": 26042.0,
      "dBdt": 0.0
    },
    "slices": {}
  }
}