{
   "AcquisitionMatrixPE": 104,
   "AcquisitionNumber": 1,
   "AcquisitionTime": "16:29:20.620000",
   "BandwidthPerPixelPhaseEncode": 17.17,
   "BaseResolution": 104,
   "BodyPartExamined": "BRAIN",
   "CoilString": "HC1-7;NC1_2",
   "ConsistencyInfo": "N4_VE11C_LATEST_20160120",
   "ConversionSoftware": "dcm2niix",
   "ConversionSoftwareVersion": "v1.0.20190720  (JP2:OpenJPEG) GCC7.3.0",
   "DerivedVendorReportedEchoSpacing": 0.000560011,
   "DeviceSerialNumber": "167006",
   "DwellTime": 2.1e-06,
   "EchoTime": 0.037,
   "EchoTrainLength": 104,
   "EffectiveEchoSpacing": 0.000560011,
   "FlipAngle": 52,
   "ImageComments": "Single-band_reference",
   "ImageOrientationPatientDICOM": [
      0.999349,
      0.0122577,
      -0.0339184,
      -0.0223294,
      0.948828,
      -0.315004
   ],
   "ImageType": [
      "ORIGINAL",
      "PRIMARY",
      "M",
      "ND",
      "MOSAIC"
   ],
   "ImagingFrequency": 123.259,
   "InPlanePhaseEncodingDirectionDICOM": "COL",
   "InstitutionAddress": "Chemin_Queen-Mary_4565_Montreal_District_CA_H3W_1W5",
   "InstitutionName": "IUGM",
   "InstitutionalDepartmentName": "Department",
   "MRAcquisitionType": "2D",
   "MagneticFieldStrength": 3,
   "Manufacturer": "Siemens",
   "ManufacturersModelName": "Prisma_fit",
   "Modality": "MR",
   "PartialFourier": 1,
   "PatientPosition": "HFS",
   "PercentPhaseFOV": 100,
   "PhaseEncodingDirection": "j",
   "PhaseEncodingSteps": 104,
   "PhaseResolution": 1,
   "PixelBandwidth": 2290,
   "ProcedureStepDescription": "video5_generic",
   "ProtocolName": "func_AP1",
   "PulseSequenceDetails": "%CustomerSeq%_cmrr_mbep2d_bold",
   "ReceiveCoilActiveElements": "HC1-7;NC1,2",
   "ReceiveCoilName": "HeadNeck_64",
   "ReconMatrixPE": 104,
   "RepetitionTime": 1.49,
   "SAR": 0.0235266,
   "ScanOptions": "FS",
   "ScanningSequence": "EP",
   "SequenceName": "epfid2d1_104",
   "SequenceVariant": "SK_SS",
   "SeriesDescription": "func_AP1_SBRef",
   "SeriesNumber": 18,
   "ShimSetting": [
      639,
      -7257,
      -8841,
      566,
      51,
      -230,
      -127,
      3
   ],
   "SliceThickness": 2,
   "SliceTiming": [
      0,
      0.0975,
      0.195,
      0.2925,
      0.3925,
      0.49,
      0.5875,
      0.685,
      0.7825,
      0.8825,
      0.98,
      1.0775,
      1.175,
      1.2725,
      1.3725,
      1.47,
      1.5675,
      1.665,
      1.7625,
      1.8625,
      1.96,
      2.0575,
      2.155,
      2.2525,
      2.3525,
      2.45,
      2.5475,
      2.645,
      2.7425,
      2.8425,
      2.94,
      3.0375,
      3.135,
      3.2325,
      3.3325,
      3.43,
      3.5275,
      3.625,
      3.7225,
      3.82,
      3.92,
      4.0175,
      4.115,
      4.2125,
      4.31,
      4.41,
      4.5075,
      4.605,
      4.7025,
      4.8,
      4.9,
      4.9975,
      5.095,
      5.1925,
      5.29,
      5.39,
      5.4875,
      5.585,
      5.6825,
      5.78
   ],
   "SoftwareVersions": "syngo_MR_E11",
   "SpacingBetweenSlices": 2,
   "StationName": "MRC35049",
   "TotalReadoutTime": 0.0576811,
   "TxRefAmp": 219.483,
   "WipMemBlock": "bec4130d-2a4a-468f-ab2c-a01b15b0410b||Sequence: R016 ve11c/master r/e634e98; Dec 19 2017 11:00:25 by eja"
}