{
   "AcquisitionMatrixPE": 104,
   "AcquisitionNumber": 1,
   "AcquisitionTime": "15:24:58.865000",
   "BandwidthPerPixelPhaseEncode": 17.17,
   "BaseResolution": 104,
   "BodyPartExamined": "BRAIN",
   "CoilString": "HC1-7;NC1_2",
   "ConsistencyInfo": "N4_VE11C_LATEST_20160120",
   "ConversionSoftware": "dcm2niix",
   "ConversionSoftwareVersion": "v1.0.20190720  (JP2:OpenJPEG) GCC7.3.0",
   "DerivedVendorReportedEchoSpacing": 0.000560011,
   "DeviceSerialNumber": "167006",
   "DwellTime": 2.1e-06,
   "EchoTime": 0.037,
   "EchoTrainLength": 104,
   "EffectiveEchoSpacing": 0.000560011,
   "FlipAngle": 52,
   "ImageComments": "Single-band_reference",
   "ImageOrientationPatientDICOM": [
      0.999349,
      0.0122577,
      -0.0339184,
      -0.0223294,
      0.948828,
      -0.315004
   ],
   "ImageType": [
      "ORIGINAL",
      "PRIMARY",
      "M",
      "ND",
      "MOSAIC"
   ],
   "ImagingFrequency": 123.259,
   "InPlanePhaseEncodingDirectionDICOM": "COL",
   "InstitutionAddress": "Chemin_Queen-Mary_4565_Montreal_District_CA_H3W_1W5",
   "InstitutionName": "IUGM",
   "InstitutionalDepartmentName": "Department",
   "MRAcquisitionType": "2D",
   "MagneticFieldStrength": 3,
   "Manufacturer": "Siemens",
   "ManufacturersModelName": "Prisma_fit",
   "Modality": "MR",
   "PartialFourier": 1,
   "PatientPosition": "HFS",
   "PercentPhaseFOV": 100,
   "PhaseEncodingDirection": "j-",
   "PhaseEncodingSteps": 104,
   "PhaseResolution": 1,
   "PixelBandwidth": 2290,
   "ProcedureStepDescription": "video5_generic",
   "ProtocolName": "func_task-figures7",
   "PulseSequenceDetails": "%CustomerSeq%_cmrr_mbep2d_bold",
   "ReceiveCoilActiveElements": "HC1-7;NC1,2",
   "ReceiveCoilName": "HeadNeck_64",
   "ReconMatrixPE": 104,
   "RepetitionTime": 1.49,
   "SAR": 0.0293569,
   "ScanOptions": "FS",
   "ScanningSequence": "EP",
   "SequenceName": "epfid2d1_104",
   "SequenceVariant": "SK_SS",
   "SeriesDescription": "func_task-figures7_SBRef",
   "SeriesNumber": 6,
   "ShimSetting": [
      639,
      -7257,
      -8841,
      566,
      51,
      -230,
      -127,
      3
   ],
   "SliceThickness": 2,
   "SliceTiming": [
      0,
      0.0975,
      0.195,
      0.2925,
      0.39,
      0.49,
      0.5875,
      0.685,
      0.7825,
      0.88,
      0.98,
      1.0775,
      1.175,
      1.2725,
      1.37,
      1.47,
      1.5675,
      1.665,
      1.7625,
      1.86,
      1.96,
      2.0575,
      2.155,
      2.2525,
      2.35,
      2.45,
      2.5475,
      2.645,
      2.7425,
      2.84,
      2.94,
      3.0375,
      3.135,
      3.2325,
      3.33,
      3.43,
      3.5275,
      3.625,
      3.7225,
      3.82,
      3.92,
      4.0175,
      4.115,
      4.2125,
      4.31,
      4.41,
      4.5075,
      4.605,
      4.7025,
      4.8,
      4.8975,
      4.9975,
      5.095,
      5.1925,
      5.29,
      5.3875,
      5.4875,
      5.585,
      5.6825,
      5.78
   ],
   "SoftwareVersions": "syngo_MR_E11",
   "SpacingBetweenSlices": 2,
   "StationName": "MRC35049",
   "TotalReadoutTime": 0.0576811,
   "TxRefAmp": 219.483,
   "WipMemBlock": "05b823dc-29e5-4c2f-bc58-5ff86ad7e29e||Sequence: R016 ve11c/master r/e634e98; Dec 19 2017 11:00:25 by eja",
   "dcmmeta_affine": [
      [
         -1.9986988306045532,
         -0.04465882480144501,
         -0.05664287880063057,
         107.83293914794922
      ],
      [
         -0.0245154220610857,
         1.8976550102233887,
         -0.6311136484146118,
         -69.91526794433594
      ],
      [
         -0.0678367167711258,
         0.6300087571144104,
         1.896967887878418,
         -66.38111877441406
      ],
      [
         0.0,
         0.0,
         0.0,
         1.0
      ]
   ],
   "dcmmeta_reorient_transform": [
      [
         0.0,
         -1.0,
         0.0,
         103.0
      ],
      [
         1.0,
         0.0,
         0.0,
         0.0
      ],
      [
         0.0,
         0.0,
         1.0,
         0.0
      ],
      [
         0.0,
         0.0,
         0.0,
         1.0
      ]
   ],
   "dcmmeta_shape": [
      104,
      104,
      60
   ],
   "dcmmeta_slice_dim": 2,
   "dcmmeta_version": 0.6,
   "global": {
      "const": {
         "AcquisitionMatrix": [
            104,
            0,
            0,
            104
         ],
         "AcquisitionNumber": 1,
         "AcquisitionTime": "152458.865000",
         "AngioFlag": "N",
         "BitsAllocated": 16,
         "BitsStored": 16,
         "BodyPartExamined": "BRAIN",
         "Columns": 832,
         "ContentTime": "152634.873000",
         "EchoNumbers": 1,
         "EchoTime": 37.0,
         "EchoTrainLength": 104,
         "FlipAngle": 52.0,
         "HighBit": 15,
         "ImageOrientationPatient": [
            0.99934943511071,
            0.01225771077135,
            -0.0339183589012,
            -0.0223294116547,
            0.94882750523132,
            -0.3150043851943
         ],
         "ImagePositionPatient": [
            -814.50366109086,
            -825.21323365282,
            252.52554010406
         ],
         "ImageType": [
            "ORIGINAL",
            "PRIMARY",
            "M",
            "ND",
            "MOSAIC"
         ],
         "ImagedNucleus": "1H",
         "ImagingFrequency": 123.259378,
         "InPlanePhaseEncodingDirection": "COL",
         "InstanceCreationTime": "152634.873000",
         "InstanceNumber": 1,
         "LargestImagePixelValue": 57403,
         "MRAcquisitionType": "2D",
         "MagneticFieldStrength": 3.0,
         "Manufacturer": "SIEMENS",
         "ManufacturerModelName": "Prisma_fit",
         "Modality": "MR",
         "NumberOfAverages": 1.0,
         "NumberOfPhaseEncodingSteps": 104,
         "PercentPhaseFieldOfView": 100.0,
         "PercentSampling": 100.0,
         "PerformedProcedureStepStartTime": "150633.219000",
         "PhotometricInterpretation": "MONOCHROME2",
         "PixelBandwidth": 2290.0,
         "PixelRepresentation": 0,
         "PixelSpacing": [
            2.0,
            2.0
         ],
         "ProtocolName": "func_task-figures7",
         "RepetitionTime": 1490.0,
         "Rows": 832,
         "SAR": 0.0293569401304,
         "SamplesPerPixel": 1,
         "ScanOptions": "FS",
         "ScanningSequence": "EP",
         "SequenceName": "epfid2d1_104",
         "SequenceVariant": [
            "SK",
            "SS"
         ],
         "SeriesDescription": "func_task-figures7_SBRef",
         "SeriesNumber": 6,
         "SeriesTime": "152634.869000",
         "SliceLocation": -43.95317023091,
         "SliceThickness": 2.0,
         "SmallestImagePixelValue": 0,
         "SoftwareVersions": "syngo MR E11",
         "SpacingBetweenSlices": 1.9999999849795,
         "SpecificCharacterSet": "ISO_IR 100",
         "StudyID": "1",
         "StudyTime": "150633.161000",
         "TransmitCoilName": "Body",
         "VariableFlipAngleFlag": "N",
         "WindowCenter": 12032.0,
         "WindowCenterWidthExplanation": "Algo1",
         "WindowWidth": 25927.0,
         "dBdt": 0.0
      },
      "slices": {}
   }
}