{
  "AcquisitionMatrixPE": 104,
  "AcquisitionNumber": 1,
  "AcquisitionTime": "14:28:29.572500",
  "BandwidthPerPixelPhaseEncode": 17.17,
  "BaseResolution": 104,
  "BodyPartExamined": "BRAIN",
  "ConsistencyInfo": "N4_VE11C_LATEST_20160120",
  "ConversionSoftware": "dcm2niix",
  "ConversionSoftwareVersion": "v1.0.20171215 (OpenJPEG build) GCC7.3.0",
  "DerivedVendorReportedEchoSpacing": 0.000560011,
  "DeviceSerialNumber": "167006",
  "DwellTime": 2.1e-06,
  "EchoTime": 0.037,
  "EchoTrainLength": 104,
  "EffectiveEchoSpacing": 0.000560011,
  "FlipAngle": 52,
  "ImageComments": "Single-band_reference",
  "ImageOrientationPatientDICOM": [0.999359, 0.0312091, -0.0175142, -0.0357715, 0.885793, -0.4627],
  "ImageType": [
    "ORIGINAL",
    "PRIMARY",
    "M",
    "ND",
    "MOSAIC"
],
  "InPlanePhaseEncodingDirectionDICOM": "COL",
  "InstitutionAddress": "Chemin_Queen-Mary_4565_Montreal_District_CA_H3W_1W5",
  "InstitutionName": "IUGM",
  "InstitutionalDepartmentName": "Department",
  "MRAcquisitionType": "2D",
  "MagneticFieldStrength": 3,
  "Manufacturer": "Siemens",
  "ManufacturersModelName": "Prisma_fit",
  "Modality": "MR",
  "PartialFourier": 1,
  "PatientPosition": "HFS",
  "PercentPhaseFOV": 100,
  "PhaseEncodingDirection": "j-",
  "PhaseEncodingSteps": 104,
  "PhaseResolution": 1,
  "PixelBandwidth": 2290,
  "ProcedureStepDescription": "video5_generic",
  "ProtocolName": "func_task-figures5_SBRef",
  "PulseSequenceDetails": "%CustomerSeq%_cmrr_mbep2d_bold",
  "ReceiveCoilActiveElements": "HC1-7;NC1,2",
  "ReceiveCoilName": "HeadNeck_64",
  "ReconMatrixPE": 104,
  "RepetitionTime": 1.49,
  "SAR": 0.0361385,
  "ScanOptions": "FS",
  "ScanningSequence": "EP",
  "SequenceName": "epfid2d1_104",
  "SequenceVariant": "SK_SS",
  "SeriesDescription": "func_task-figures5_SBRef",
  "SeriesNumber": 14,
  "ShimSetting": [623, -7176, -8915, 377, 5, -175, 31, -15],
  "SliceThickness": 2,
  "SliceTiming": [0, 0.0975, 0.195, 0.2925, 0.3925, 0.49, 0.5875, 0.685, 0.7825, 0.8825, 0.98, 1.0775, 1.175, 1.2725, 1.3725, 1.47, 1.5675, 1.665, 1.7625, 1.8625, 1.96, 2.0575, 2.155, 2.2525, 2.3525, 2.45, 2.5475, 2.645, 2.7425, 2.8425, 2.94, 3.0375, 3.135, 3.2325, 3.3325, 3.43, 3.5275, 3.625, 3.7225, 3.82, 3.92, 4.0175, 4.115, 4.2125, 4.31, 4.41, 4.5075, 4.605, 4.7025, 4.8, 4.9, 4.9975, 5.095, 5.1925, 5.29, 5.39, 5.4875, 5.585, 5.6825, 5.78],
  "SoftwareVersions": "syngo_MR_E11",
  "SpacingBetweenSlices": 2,
  "StationName": "MRC35049",
  "TaskName": "figures05",
  "TotalReadoutTime": 0.0576811,
  "TxRefAmp": 250.048,
  "dcmmeta_affine": [
    [-1.9987188577651978, -0.07154308259487152, -0.002147085964679718, 109.37051391601562],
    [-0.06241818144917488, 1.7715859413146973, -0.9260600805282593, -58.3380241394043],
    [-0.035028472542762756, 0.9253998398780823, 1.77268385887146, -115.20152282714844],
    [0.0, 0.0, 0.0, 1.0]
],
  "dcmmeta_reorient_transform": [
    [0.0, -1.0, 0.0, 103.0],
    [1.0, 0.0, 0.0, 0.0],
    [0.0, 0.0, 1.0, 0.0],
    [0.0, 0.0, 0.0, 1.0]
],
  "dcmmeta_shape": [104, 104, 60],
  "dcmmeta_slice_dim": 2,
  "dcmmeta_version": 0.6,
  "global": {
    "const": {
      "AcquisitionMatrix": [104, 0, 0, 104],
      "AcquisitionNumber": 1,
      "AcquisitionTime": "142829.572500",
      "AngioFlag": "N",
      "BitsAllocated": 16,
      "BitsStored": 16,
      "BodyPartExamined": "BRAIN",
      "Columns": 832,
      "ContentTime": "143004.301000",
      "EchoNumbers": 1,
      "EchoTime": 37.0,
      "EchoTrainLength": 104,
      "FlipAngle": 52.0,
      "HighBit": 15,
      "ImageOrientationPatient": [0.99935941694574, 0.03120909013322, -0.0175142357791, -0.0357715427022, 0.88579296241332, -0.4626999291893],
      "ImagePositionPatient": [-803.49354694897, -791.71281854331, 329.7105714231],
      "ImageType": [
        "ORIGINAL",
        "PRIMARY",
        "M",
        "ND",
        "MOSAIC"
],
      "ImagedNucleus": "1H",
      "ImagingFrequency": 123.259462,
      "InPlanePhaseEncodingDirection": "COL",
      "InstanceCreationTime": "143004.301000",
      "InstanceNumber": 1,
      "LargestImagePixelValue": 65535,
      "MRAcquisitionType": "2D",
      "MagneticFieldStrength": 3.0,
      "Manufacturer": "SIEMENS",
      "ManufacturerModelName": "Prisma_fit",
      "Modality": "MR",
      "NumberOfAverages": 1.0,
      "NumberOfPhaseEncodingSteps": 104,
      "PercentPhaseFieldOfView": 100.0,
      "PercentSampling": 100.0,
      "PerformedProcedureStepStartTime": "132751.036000",
      "PhotometricInterpretation": "MONOCHROME2",
      "PixelBandwidth": 2290.0,
      "PixelRepresentation": 0,
      "PixelSpacing": [2.0, 2.0],
      "ProtocolName": "func_task-figures5_SBRef",
      "RepetitionTime": 1490.0,
      "Rows": 832,
      "SAR": 0.03613854447976,
      "SamplesPerPixel": 1,
      "ScanOptions": "FS",
      "ScanningSequence": "EP",
      "SequenceName": "epfid2d1_104",
      "SequenceVariant": [
        "SK",
        "SS"
],
      "SeriesDescription": "func_task-figures5_SBRef",
      "SeriesNumber": 14,
      "SeriesTime": "143004.298000",
      "SliceLocation": -75.213098927185,
      "SliceThickness": 2.0,
      "SmallestImagePixelValue": 0,
      "SoftwareVersions": "syngo MR E11",
      "SpacingBetweenSlices": 1.9999999963416,
      "SpecificCharacterSet": "ISO_IR 100",
      "StudyID": "1",
      "StudyTime": "132750.940000",
      "TransmitCoilName": "Body",
      "VariableFlipAngleFlag": "N",
      "WindowCenter": 13420.0,
      "WindowCenterWidthExplanation": "Algo1",
      "WindowWidth": 29274.0,
      "dBdt": 0.0},
    "slices": {}
  }
}