{
   "AcquisitionMatrixPE": 104,
   "AcquisitionNumber": 1,
   "AcquisitionTime": "11:55:22.112500",
   "BandwidthPerPixelPhaseEncode": 17.17,
   "BaseResolution": 104,
   "BodyPartExamined": "BRAIN",
   "CoilString": "HC1-7;NC1_2",
   "ConsistencyInfo": "N4_VE11C_LATEST_20160120",
   "ConversionSoftware": "dcm2niix",
   "ConversionSoftwareVersion": "v1.0.20190720  (JP2:OpenJPEG) GCC7.3.0",
   "DerivedVendorReportedEchoSpacing": 0.000560011,
   "DeviceSerialNumber": "167006",
   "DwellTime": 2.1e-06,
   "EchoTime": 0.037,
   "EchoTrainLength": 104,
   "EffectiveEchoSpacing": 0.000560011,
   "FlipAngle": 52,
   "ImageComments": "Single-band_reference",
   "ImageOrientationPatientDICOM": [
      0.996737,
      0.0436737,
      -0.0678813,
      -0.0552027,
      0.982387,
      -0.178519
   ],
   "ImageType": [
      "ORIGINAL",
      "PRIMARY",
      "M",
      "ND",
      "MOSAIC"
   ],
   "ImagingFrequency": 123.259,
   "InPlanePhaseEncodingDirectionDICOM": "COL",
   "InstitutionAddress": "Chemin_Queen-Mary_4565_Montreal_District_CA_H3W_1W5",
   "InstitutionName": "IUGM",
   "InstitutionalDepartmentName": "Department",
   "MRAcquisitionType": "2D",
   "MagneticFieldStrength": 3,
   "Manufacturer": "Siemens",
   "ManufacturersModelName": "Prisma_fit",
   "Modality": "MR",
   "PartialFourier": 1,
   "PatientPosition": "HFS",
   "PercentPhaseFOV": 100,
   "PhaseEncodingDirection": "j-",
   "PhaseEncodingSteps": 104,
   "PhaseResolution": 1,
   "PixelBandwidth": 2290,
   "ProcedureStepDescription": "video5_generic",
   "ProtocolName": "func_task-wolf10",
   "PulseSequenceDetails": "%CustomerSeq%_cmrr_mbep2d_bold",
   "ReceiveCoilActiveElements": "HC1-7;NC1,2",
   "ReceiveCoilName": "HeadNeck_64",
   "ReconMatrixPE": 104,
   "RepetitionTime": 1.49,
   "SAR": 0.0319274,
   "ScanOptions": "FS",
   "ScanningSequence": "EP",
   "SequenceName": "epfid2d1_104",
   "SequenceVariant": "SK_SS",
   "SeriesDescription": "func_task-wolf10_SBRef",
   "SeriesNumber": 13,
   "ShimSetting": [
      607,
      -7219,
      -8892,
      590,
      -32,
      -248,
      1,
      44
   ],
   "SliceThickness": 2,
   "SliceTiming": [
      0,
      0.0975,
      0.195,
      0.2925,
      0.3925,
      0.49,
      0.5875,
      0.685,
      0.7825,
      0.8825,
      0.98,
      1.0775,
      1.175,
      1.2725,
      1.37,
      1.47,
      1.5675,
      1.665,
      1.7625,
      1.86,
      1.96,
      2.0575,
      2.155,
      2.2525,
      2.35,
      2.45,
      2.5475,
      2.645,
      2.7425,
      2.84,
      2.94,
      3.0375,
      3.135,
      3.2325,
      3.33,
      3.43,
      3.5275,
      3.625,
      3.7225,
      3.82,
      3.92,
      4.0175,
      4.115,
      4.2125,
      4.31,
      4.41,
      4.5075,
      4.605,
      4.7025,
      4.8,
      4.9,
      4.9975,
      5.095,
      5.1925,
      5.29,
      5.39,
      5.4875,
      5.585,
      5.6825,
      5.78
   ],
   "SoftwareVersions": "syngo_MR_E11",
   "SpacingBetweenSlices": 2,
   "StationName": "MRC35049",
   "TotalReadoutTime": 0.0576811,
   "TxRefAmp": 219.149,
   "WipMemBlock": "846effd4-72ec-4d42-9eb0-bdfb2676d1c4||Sequence: R016 ve11c/master r/e634e98; Dec 19 2017 11:00:25 by eja",
   "dcmmeta_affine": [
      [
         -1.9934741258621216,
         -0.11040543764829636,
         -0.11777826398611069,
         109.93209838867188
      ],
      [
         -0.08734743297100067,
         1.9647732973098755,
         -0.3633677363395691,
         -70.38414001464844
      ],
      [
         -0.13576267659664154,
         0.3570382595062256,
         1.963184118270874,
         -65.69282531738281
      ],
      [
         0.0,
         0.0,
         0.0,
         1.0
      ]
   ],
   "dcmmeta_reorient_transform": [
      [
         0.0,
         -1.0,
         0.0,
         103.0
      ],
      [
         1.0,
         0.0,
         0.0,
         0.0
      ],
      [
         0.0,
         0.0,
         1.0,
         0.0
      ],
      [
         0.0,
         0.0,
         0.0,
         1.0
      ]
   ],
   "dcmmeta_shape": [
      104,
      104,
      60
   ],
   "dcmmeta_slice_dim": 2,
   "dcmmeta_version": 0.6,
   "global": {
      "const": {
         "AcquisitionMatrix": [
            104,
            0,
            0,
            104
         ],
         "AcquisitionNumber": 1,
         "AcquisitionTime": "115522.112500",
         "AngioFlag": "N",
         "BitsAllocated": 16,
         "BitsStored": 16,
         "BodyPartExamined": "BRAIN",
         "Columns": 832,
         "ContentTime": "115659.035000",
         "EchoNumbers": 1,
         "EchoTime": 37.0,
         "EchoTrainLength": 104,
         "FlipAngle": 52.0,
         "HighBit": 15,
         "ImageOrientationPatient": [
            0.99673704146365,
            0.04367371744339,
            -0.067881341906,
            -0.0552027205416,
            0.98238667480254,
            -0.1785191329108
         ],
         "ImagePositionPatient": [
            -783.99732097214,
            -878.9594794724,
            150.46166553711
         ],
         "ImageType": [
            "ORIGINAL",
            "PRIMARY",
            "M",
            "ND",
            "MOSAIC"
         ],
         "ImagedNucleus": "1H",
         "ImagingFrequency": 123.259296,
         "InPlanePhaseEncodingDirection": "COL",
         "InstanceCreationTime": "115659.035000",
         "InstanceNumber": 1,
         "LargestImagePixelValue": 65535,
         "MRAcquisitionType": "2D",
         "MagneticFieldStrength": 3.0,
         "Manufacturer": "SIEMENS",
         "ManufacturerModelName": "Prisma_fit",
         "Modality": "MR",
         "NumberOfAverages": 1.0,
         "NumberOfPhaseEncodingSteps": 104,
         "PercentPhaseFieldOfView": 100.0,
         "PercentSampling": 100.0,
         "PerformedProcedureStepStartTime": "113553.746000",
         "PhotometricInterpretation": "MONOCHROME2",
         "PixelBandwidth": 2290.0,
         "PixelRepresentation": 0,
         "PixelSpacing": [
            2.0,
            2.0
         ],
         "ProtocolName": "func_task-wolf10",
         "RepetitionTime": 1490.0,
         "Rows": 832,
         "SAR": 0.03192736667626,
         "SamplesPerPixel": 1,
         "ScanOptions": "FS",
         "ScanningSequence": "EP",
         "SequenceName": "epfid2d1_104",
         "SequenceVariant": [
            "SK",
            "SS"
         ],
         "SeriesDescription": "func_task-wolf10_SBRef",
         "SeriesNumber": 13,
         "SeriesTime": "115659.029000",
         "SliceLocation": -58.169697061938,
         "SliceThickness": 2.0,
         "SmallestImagePixelValue": 0,
         "SoftwareVersions": "syngo MR E11",
         "SpacingBetweenSlices": 1.9999999719385,
         "SpecificCharacterSet": "ISO_IR 100",
         "StudyID": "1",
         "StudyTime": "113553.680000",
         "TransmitCoilName": "Body",
         "VariableFlipAngleFlag": "N",
         "WindowCenter": 12102.0,
         "WindowCenterWidthExplanation": "Algo1",
         "WindowWidth": 25986.0,
         "dBdt": 0.0
      },
      "slices": {}
   }
}