{
  "AcquisitionMatrixPE": 104,
  "AcquisitionNumber": 1,
  "AcquisitionTime": "16:03:29.345000",
  "BandwidthPerPixelPhaseEncode": 17.17,
  "BaseResolution": 104,
  "BodyPartExamined": "BRAIN",
  "ConsistencyInfo": "N4_VE11C_LATEST_20160120",
  "ConversionSoftware": "dcm2niix",
  "ConversionSoftwareVersion": "v1.0.20171215 (OpenJPEG build) GCC7.3.0",
  "DerivedVendorReportedEchoSpacing": 0.000560011,
  "DeviceSerialNumber": "167006",
  "DwellTime": 2.1e-06,
  "EchoTime": 0.037,
  "EchoTrainLength": 104,
  "EffectiveEchoSpacing": 0.000560011,
  "FlipAngle": 52,
  "ImageComments": "Unaliased_MB4_PE3_LB",
  "ImageOrientationPatientDICOM": [0.996643, 0.0815508, 0.00717983, -0.0766875, 0.960698, -0.266794],
  "ImageType": [
    "ORIGINAL",
    "PRIMARY",
    "M",
    "MB",
    "ND",
    "MOSAIC"
],
  "InPlanePhaseEncodingDirectionDICOM": "COL",
  "InstitutionAddress": "Chemin_Queen-Mary_4565_Montreal_District_CA_H3W_1W5",
  "InstitutionName": "IUGM",
  "InstitutionalDepartmentName": "Department",
  "MRAcquisitionType": "2D",
  "MagneticFieldStrength": 3,
  "Manufacturer": "Siemens",
  "ManufacturersModelName": "Prisma_fit",
  "Modality": "MR",
  "MultibandAccelerationFactor": 4,
  "PartialFourier": 1,
  "PatientPosition": "HFS",
  "PercentPhaseFOV": 100,
  "PhaseEncodingDirection": "j-",
  "PhaseEncodingSteps": 104,
  "PhaseResolution": 1,
  "PixelBandwidth": 2290,
  "ProcedureStepDescription": "video5_generic",
  "ProtocolName": "func_task-figures5",
  "PulseSequenceDetails": "%CustomerSeq%_cmrr_mbep2d_bold",
  "ReceiveCoilActiveElements": "HC1-7;NC1,2",
  "ReceiveCoilName": "HeadNeck_64",
  "ReconMatrixPE": 104,
  "RepetitionTime": 1.49,
  "SAR": 0.0393529,
  "ScanOptions": "FS",
  "ScanningSequence": "EP",
  "SequenceName": "epfid2d1_104",
  "SequenceVariant": "SK_SS",
  "SeriesDescription": "func_task-figures5",
  "SeriesNumber": 9,
  "ShimSetting": [640, -7181, -8814, 690, 109, 82, -14, -3],
  "SliceThickness": 2,
  "SliceTiming": [0, 0.785, 0.1, 0.8825, 0.1975, 0.98, 0.295, 1.08, 0.3925, 1.1775, 0.49, 1.275, 0.59, 1.3725, 0.6875, 0, 0.785, 0.1, 0.8825, 0.1975, 0.98, 0.295, 1.08, 0.3925, 1.1775, 0.49, 1.275, 0.59, 1.3725, 0.6875, 0, 0.785, 0.1, 0.8825, 0.1975, 0.98, 0.295, 1.08, 0.3925, 1.1775, 0.49, 1.275, 0.59, 1.3725, 0.6875, 0, 0.785, 0.1, 0.8825, 0.1975, 0.98, 0.295, 1.08, 0.3925, 1.1775, 0.49, 1.275, 0.59, 1.3725, 0.6875],
  "SoftwareVersions": "syngo_MR_E11",
  "SpacingBetweenSlices": 2,
  "StationName": "MRC35049",
  "TaskName": "figures05",
  "TotalReadoutTime": 0.0576811,
  "TxRefAmp": 251.695,
  "dcmmeta_affine": [
    [-1.9932866096496582, -0.15337501466274261, 0.05730986222624779, 111.39788055419922],
    [-0.16310155391693115, 1.921395182609558, -0.5306963920593262, -63.40747833251953],
    [0.014359662309288979, 0.533588707447052, 1.9274535179138184, -55.315147399902344],
    [0.0, 0.0, 0.0, 1.0]
],
  "dcmmeta_reorient_transform": [
    [0.0, -1.0, 0.0, 103.0],
    [1.0, 0.0, 0.0, 0.0],
    [0.0, 0.0, 1.0, 0.0],
    [0.0, 0.0, 0.0, 1.0]
],
  "dcmmeta_shape": [104, 104, 60, 22],
  "dcmmeta_slice_dim": 2,
  "dcmmeta_version": 0.6,
  "global": {
    "const": {
      "AcquisitionMatrix": [104, 0, 0, 104],
      "AngioFlag": "N",
      "BitsAllocated": 16,
      "BitsStored": 16,
      "BodyPartExamined": "BRAIN",
      "Columns": 832,
      "EchoNumbers": 1,
      "EchoTime": 37.0,
      "EchoTrainLength": 104,
      "FlipAngle": 52.0,
      "HighBit": 15,
      "ImageOrientationPatient": [0.99664332699315, 0.08155077427682, 0.00717983111747, -0.0766875066725, 0.96069756272059, -0.2667943389637],
      "ImagePositionPatient": [-765.32809157741, -893.2530085785, 188.64384946177],
      "ImageType": [
        "ORIGINAL",
        "PRIMARY",
        "M",
        "MB",
        "ND",
        "MOSAIC"
],
      "ImagedNucleus": "1H",
      "ImagingFrequency": 123.259296,
      "InPlanePhaseEncodingDirection": "COL",
      "MRAcquisitionType": "2D",
      "MagneticFieldStrength": 3.0,
      "Manufacturer": "SIEMENS",
      "ManufacturerModelName": "Prisma_fit",
      "Modality": "MR",
      "NumberOfAverages": 1.0,
      "NumberOfPhaseEncodingSteps": 104,
      "PercentPhaseFieldOfView": 100.0,
      "PercentSampling": 100.0,
      "PerformedProcedureStepStartTime": "153601.616000",
      "PhotometricInterpretation": "MONOCHROME2",
      "PixelBandwidth": 2290.0,
      "PixelRepresentation": 0,
      "PixelSpacing": [2.0, 2.0],
      "ProtocolName": "func_task-figures5",
      "RepetitionTime": 1490.0,
      "Rows": 832,
      "SAR": 0.03935293218887,
      "SamplesPerPixel": 1,
      "ScanOptions": "FS",
      "ScanningSequence": "EP",
      "SequenceName": "epfid2d1_104",
      "SequenceVariant": [
        "SK",
        "SS"
],
      "SeriesDescription": "func_task-figures5",
      "SeriesNumber": 9,
      "SeriesTime": "160441.913000",
      "SliceLocation": -33.291526864412,
      "SliceThickness": 2.0,
      "SmallestImagePixelValue": 0,
      "SoftwareVersions": "syngo MR E11",
      "SpacingBetweenSlices": 1.9999999995477,
      "SpecificCharacterSet": "ISO_IR 100",
      "StudyID": "1",
      "StudyTime": "153601.551000",
      "TransmitCoilName": "Body",
      "VariableFlipAngleFlag": "N",
      "WindowCenterWidthExplanation": "Algo1",
      "dBdt": 0.0},
    "slices": {}
  },
  "time": {
    "samples": {
      "AcquisitionNumber": [1, 2, 3, 4, 5, 6, 7, 8, 9, 10, 11, 12, 13, 14, 15, 16, 17, 18, 19, 20, 21, 22],
      "AcquisitionTime": ["160329.345000", "160330.835000", "160332.325000", "160333.815000", "160335.305000", "160336.795000", "160338.285000", "160339.775000", "160341.265000", "160342.755000", "160344.245000", "160345.735000", "160347.225000", "160348.715000", "160350.205000", "160351.695000", "160353.185000", "160354.675000", "160356.165000", "160357.655000", "160359.145000", "160400.635000"],
      "ContentTime": ["160441.916000", "160441.921000", "160441.924000", "160441.927000", "160441.930000", "160441.936000", "160441.939000", "160441.942000", "160441.945000", "160441.948000", "160441.951000", "160441.972000", "160441.975000", "160441.982000", "160441.985000", "160441.988000", "160441.991000", "160441.994000", "160441.997000", "160442.001000", "160442.004000", "160442.007000"],
      "InstanceCreationTime": ["160441.916000", "160441.921000", "160441.924000", "160441.927000", "160441.930000", "160441.936000", "160441.939000", "160441.942000", "160441.945000", "160441.948000", "160441.951000", "160441.972000", "160441.975000", "160441.982000", "160441.985000", "160441.988000", "160441.991000", "160441.994000", "160441.997000", "160442.001000", "160442.004000", "160442.007000"],
      "InstanceNumber": [1, 2, 3, 4, 5, 6, 7, 8, 9, 10, 11, 12, 13, 14, 15, 16, 17, 18, 19, 20, 21, 22],
      "LargestImagePixelValue": [45518, 45009, 43960, 42854, 42873, 43608, 43802, 43361, 42968, 42293, 43594, 43196, 43254, 42601, 42951, 43081, 42377, 43006, 43071, 42748, 42897, 43130],
      "WindowCenter": [10361.0, 10320.0, 10289.0, 10258.0, 10264.0, 10303.0, 10319.0, 10301.0, 10279.0, 10270.0, 10303.0, 10299.0, 10278.0, 10252.0, 10249.0, 10266.0, 10265.0, 10270.0, 10282.0, 10269.0, 10258.0, 10274.0],
      "WindowWidth": [21907.0, 21799.0, 21725.0, 21649.0, 21661.0, 21750.0, 21782.0, 21740.0, 21695.0, 21677.0, 21747.0, 21741.0, 21689.0, 21627.0, 21620.0, 21663.0, 21662.0, 21669.0, 21697.0, 21668.0, 21639.0, 21679.0]
    },
    "slices": {}
  }
}