{
   "AcquisitionMatrixPE": 104,
   "AcquisitionNumber": 1,
   "AcquisitionTime": "16:00:23.480000",
   "BandwidthPerPixelPhaseEncode": 17.17,
   "BaseResolution": 104,
   "BodyPartExamined": "BRAIN",
   "CoilString": "HC1-7;NC1_2",
   "ConsistencyInfo": "N4_VE11C_LATEST_20160120",
   "ConversionSoftware": "dcm2niix",
   "ConversionSoftwareVersion": "v1.0.20190720  (JP2:OpenJPEG) GCC7.3.0",
   "DerivedVendorReportedEchoSpacing": 0.000560011,
   "DeviceSerialNumber": "167006",
   "DwellTime": 2.1e-06,
   "EchoTime": 0.037,
   "EchoTrainLength": 104,
   "EffectiveEchoSpacing": 0.000560011,
   "FlipAngle": 52,
   "ImageComments": "Single-band_reference",
   "ImageOrientationPatientDICOM": [
      0.994763,
      0.100464,
      0.0188061,
      -0.0926316,
      0.963922,
      -0.249549
   ],
   "ImageType": [
      "ORIGINAL",
      "PRIMARY",
      "M",
      "ND",
      "MOSAIC"
   ],
   "ImagingFrequency": 123.259,
   "InPlanePhaseEncodingDirectionDICOM": "COL",
   "InstitutionAddress": "Chemin_Queen-Mary_4565_Montreal_District_CA_H3W_1W5",
   "InstitutionName": "IUGM",
   "InstitutionalDepartmentName": "Department",
   "MRAcquisitionType": "2D",
   "MagneticFieldStrength": 3,
   "Manufacturer": "Siemens",
   "ManufacturersModelName": "Prisma_fit",
   "Modality": "MR",
   "PartialFourier": 1,
   "PatientPosition": "HFS",
   "PercentPhaseFOV": 100,
   "PhaseEncodingDirection": "j-",
   "PhaseEncodingSteps": 104,
   "PhaseResolution": 1,
   "PixelBandwidth": 2290,
   "ProcedureStepDescription": "video5_generic",
   "ProtocolName": "func_task-wolf1",
   "PulseSequenceDetails": "%CustomerSeq%_cmrr_mbep2d_bold",
   "ReceiveCoilActiveElements": "HC1-7;NC1,2",
   "ReceiveCoilName": "HeadNeck_64",
   "ReconMatrixPE": 104,
   "RepetitionTime": 1.49,
   "SAR": 0.0388004,
   "ScanOptions": "FS",
   "ScanningSequence": "EP",
   "SequenceName": "epfid2d1_104",
   "SequenceVariant": "SK_SS",
   "SeriesDescription": "func_task-wolf1_SBRef",
   "SeriesNumber": 6,
   "ShimSetting": [
      644,
      -7191,
      -8813,
      670,
      139,
      35,
      -9,
      3
   ],
   "SliceThickness": 2,
   "SliceTiming": [
      0,
      0.0975,
      0.195,
      0.295,
      0.3925,
      0.49,
      0.5875,
      0.685,
      0.785,
      0.8825,
      0.98,
      1.0775,
      1.175,
      1.275,
      1.3725,
      1.47,
      1.5675,
      1.665,
      1.765,
      1.8625,
      1.96,
      2.0575,
      2.155,
      2.2525,
      2.3525,
      2.45,
      2.5475,
      2.645,
      2.7425,
      2.8425,
      2.94,
      3.0375,
      3.135,
      3.2325,
      3.3325,
      3.43,
      3.5275,
      3.625,
      3.7225,
      3.8225,
      3.92,
      4.0175,
      4.115,
      4.2125,
      4.3125,
      4.41,
      4.5075,
      4.605,
      4.7025,
      4.8025,
      4.9,
      4.9975,
      5.095,
      5.1925,
      5.2925,
      5.39,
      5.4875,
      5.585,
      5.6825,
      5.7825
   ],
   "SoftwareVersions": "syngo_MR_E11",
   "SpacingBetweenSlices": 2,
   "StationName": "MRC35049",
   "TotalReadoutTime": 0.0576811,
   "TxRefAmp": 252.138,
   "WipMemBlock": "64d6e3b8-6e8e-431c-aef9-3a6a446161e2||Sequence: R016 ve11c/master r/e634e98; Dec 19 2017 11:00:25 by eja",
   "dcmmeta_affine": [
      [
         -1.9895257949829102,
         -0.18526329100131989,
         0.0863967314362526,
         112.6333236694336
      ],
      [
         -0.20092833042144775,
         1.9278430938720703,
         -0.49299994111061096,
         -52.77704620361328
      ],
      [
         0.037612274289131165,
         0.4990978240966797,
         1.936359167098999,
         -53.305606842041016
      ],
      [
         0.0,
         0.0,
         0.0,
         1.0
      ]
   ],
   "dcmmeta_reorient_transform": [
      [
         0.0,
         -1.0,
         0.0,
         103.0
      ],
      [
         1.0,
         0.0,
         0.0,
         0.0
      ],
      [
         0.0,
         0.0,
         1.0,
         0.0
      ],
      [
         0.0,
         0.0,
         0.0,
         1.0
      ]
   ],
   "dcmmeta_shape": [
      104,
      104,
      60
   ],
   "dcmmeta_slice_dim": 2,
   "dcmmeta_version": 0.6,
   "global": {
      "const": {
         "AcquisitionMatrix": [
            104,
            0,
            0,
            104
         ],
         "AcquisitionNumber": 1,
         "AcquisitionTime": "160023.480000",
         "AngioFlag": "N",
         "BitsAllocated": 16,
         "BitsStored": 16,
         "BodyPartExamined": "BRAIN",
         "Columns": 832,
         "ContentTime": "160206.486000",
         "EchoNumbers": 1,
         "EchoTime": 37.0,
         "EchoTrainLength": 104,
         "FlipAngle": 52.0,
         "HighBit": 15,
         "ImageOrientationPatient": [
            0.99476292656553,
            0.10046416858129,
            0.01880613628734,
            -0.0926316428437,
            0.96392153006476,
            -0.249548918294
         ],
         "ImagePositionPatient": [
            -750.3027835144,
            -920.66357824495,
            166.08221597351
         ],
         "ImageType": [
            "ORIGINAL",
            "PRIMARY",
            "M",
            "ND",
            "MOSAIC"
         ],
         "ImagedNucleus": "1H",
         "ImagingFrequency": 123.259446,
         "InPlanePhaseEncodingDirection": "COL",
         "InstanceCreationTime": "160206.486000",
         "InstanceNumber": 1,
         "LargestImagePixelValue": 60997,
         "MRAcquisitionType": "2D",
         "MagneticFieldStrength": 3.0,
         "Manufacturer": "SIEMENS",
         "ManufacturerModelName": "Prisma_fit",
         "Modality": "MR",
         "NumberOfAverages": 1.0,
         "NumberOfPhaseEncodingSteps": 104,
         "PercentPhaseFieldOfView": 100.0,
         "PercentSampling": 100.0,
         "PerformedProcedureStepStartTime": "155015.894000",
         "PhotometricInterpretation": "MONOCHROME2",
         "PixelBandwidth": 2290.0,
         "PixelRepresentation": 0,
         "PixelSpacing": [
            2.0,
            2.0
         ],
         "ProtocolName": "func_task-wolf1",
         "RepetitionTime": 1490.0,
         "Rows": 832,
         "SAR": 0.03880039773238,
         "SamplesPerPixel": 1,
         "ScanOptions": "FS",
         "ScanningSequence": "EP",
         "SequenceName": "epfid2d1_104",
         "SequenceVariant": [
            "SK",
            "SS"
         ],
         "SeriesDescription": "func_task-wolf1_SBRef",
         "SeriesNumber": 6,
         "SeriesTime": "160206.483000",
         "SliceLocation": -33.734283214929,
         "SliceThickness": 2.0,
         "SmallestImagePixelValue": 0,
         "SoftwareVersions": "syngo MR E11",
         "SpacingBetweenSlices": 2.0000000180549,
         "SpecificCharacterSet": "ISO_IR 100",
         "StudyID": "1",
         "StudyTime": "155015.847000",
         "TransmitCoilName": "Body",
         "VariableFlipAngleFlag": "N",
         "WindowCenter": 12340.0,
         "WindowCenterWidthExplanation": "Algo1",
         "WindowWidth": 26167.0,
         "dBdt": 0.0
      },
      "slices": {}
   }
}