{
   "AcquisitionMatrixPE": 104,
   "AcquisitionNumber": 1,
   "AcquisitionTime": "16:58:54.875000",
   "BandwidthPerPixelPhaseEncode": 17.17,
   "BaseResolution": 104,
   "BodyPartExamined": "BRAIN",
   "CoilString": "HC1-7;NC1_2",
   "ConsistencyInfo": "N4_VE11C_LATEST_20160120",
   "ConversionSoftware": "dcm2niix",
   "ConversionSoftwareVersion": "v1.0.20190720  (JP2:OpenJPEG) GCC7.3.0",
   "DerivedVendorReportedEchoSpacing": 0.000560011,
   "DeviceSerialNumber": "167006",
   "DwellTime": 2.1e-06,
   "EchoTime": 0.037,
   "EchoTrainLength": 104,
   "EffectiveEchoSpacing": 0.000560011,
   "FlipAngle": 52,
   "ImageComments": "Single-band_reference",
   "ImageOrientationPatientDICOM": [
      0.995316,
      0.0914272,
      0.0314095,
      -0.0804309,
      0.963425,
      -0.255623
   ],
   "ImageType": [
      "ORIGINAL",
      "PRIMARY",
      "M",
      "ND",
      "MOSAIC"
   ],
   "ImagingFrequency": 123.259,
   "InPlanePhaseEncodingDirectionDICOM": "COL",
   "InstitutionAddress": "Chemin_Queen-Mary_4565_Montreal_District_CA_H3W_1W5",
   "InstitutionName": "IUGM",
   "InstitutionalDepartmentName": "Department",
   "IntendedFor": [
      "ses-006/func/sub-01_ses-006_task-life01_run-01_bold.nii.gz",
      "ses-006/func/sub-01_ses-006_task-life02_run-01_bold.nii.gz"
   ],
   "MRAcquisitionType": "2D",
   "MagneticFieldStrength": 3,
   "Manufacturer": "Siemens",
   "ManufacturersModelName": "Prisma_fit",
   "Modality": "MR",
   "PartialFourier": 1,
   "PatientPosition": "HFS",
   "PercentPhaseFOV": 100,
   "PhaseEncodingDirection": "j",
   "PhaseEncodingSteps": 104,
   "PhaseResolution": 1,
   "PixelBandwidth": 2290,
   "ProcedureStepDescription": "video5_generic",
   "ProtocolName": "func_AP2",
   "PulseSequenceDetails": "%CustomerSeq%_cmrr_mbep2d_bold",
   "ReceiveCoilActiveElements": "HC1-7;NC1,2",
   "ReceiveCoilName": "HeadNeck_64",
   "ReconMatrixPE": 104,
   "RepetitionTime": 1.49,
   "SAR": 0.0326266,
   "ScanOptions": "FS",
   "ScanningSequence": "EP",
   "SequenceName": "epfid2d1_104",
   "SequenceVariant": "SK_SS",
   "SeriesDescription": "func_AP2_SBRef",
   "SeriesNumber": 23,
   "ShimSetting": [
      648,
      -7183,
      -8814,
      684,
      137,
      44,
      -6,
      16
   ],
   "SliceThickness": 2,
   "SliceTiming": [
      0,
      0.1,
      0.1975,
      0.295,
      0.3925,
      0.49,
      0.59,
      0.6875,
      0.785,
      0.8825,
      0.98,
      1.08,
      1.1775,
      1.275,
      1.3725,
      1.47,
      1.5675,
      1.6675,
      1.765,
      1.8625,
      1.96,
      2.0575,
      2.1575,
      2.255,
      2.3525,
      2.45,
      2.5475,
      2.6475,
      2.745,
      2.8425,
      2.94,
      3.0375,
      3.1375,
      3.235,
      3.3325,
      3.43,
      3.5275,
      3.6275,
      3.725,
      3.8225,
      3.92,
      4.0175,
      4.1175,
      4.215,
      4.3125,
      4.41,
      4.5075,
      4.6075,
      4.705,
      4.8025,
      4.9,
      4.9975,
      5.0975,
      5.195,
      5.2925,
      5.39,
      5.4875,
      5.5875,
      5.685,
      5.7825
   ],
   "SoftwareVersions": "syngo_MR_E11",
   "SpacingBetweenSlices": 2,
   "StationName": "MRC35049",
   "TotalReadoutTime": 0.0576811,
   "TxRefAmp": 255.472,
   "WipMemBlock": "bec32425-2ae4-4f6b-b5f3-688dd3d4bc0b||Sequence: R016 ve11c/master r/e634e98; Dec 19 2017 11:00:25 by eja"
}