{
   "AcquisitionMatrixPE": 104,
   "AcquisitionNumber": 1,
   "AcquisitionTime": "16:36:42.957500",
   "BandwidthPerPixelPhaseEncode": 17.17,
   "BaseResolution": 104,
   "BodyPartExamined": "BRAIN",
   "CoilString": "HC1-7;NC1_2",
   "ConsistencyInfo": "N4_VE11C_LATEST_20160120",
   "ConversionSoftware": "dcm2niix",
   "ConversionSoftwareVersion": "v1.0.20190720  (JP2:OpenJPEG) GCC7.3.0",
   "DerivedVendorReportedEchoSpacing": 0.000560011,
   "DeviceSerialNumber": "167006",
   "DwellTime": 2.1e-06,
   "EchoTime": 0.037,
   "EchoTrainLength": 104,
   "EffectiveEchoSpacing": 0.000560011,
   "FlipAngle": 52,
   "ImageComments": "Single-band_reference",
   "ImageOrientationPatientDICOM": [
      0.995316,
      0.0914272,
      0.0314095,
      -0.0804309,
      0.963425,
      -0.255623
   ],
   "ImageType": [
      "ORIGINAL",
      "PRIMARY",
      "M",
      "ND",
      "MOSAIC"
   ],
   "ImagingFrequency": 123.259,
   "InPlanePhaseEncodingDirectionDICOM": "COL",
   "InstitutionAddress": "Chemin_Queen-Mary_4565_Montreal_District_CA_H3W_1W5",
   "InstitutionName": "IUGM",
   "InstitutionalDepartmentName": "Department",
   "MRAcquisitionType": "2D",
   "MagneticFieldStrength": 3,
   "Manufacturer": "Siemens",
   "ManufacturersModelName": "Prisma_fit",
   "Modality": "MR",
   "PartialFourier": 1,
   "PatientPosition": "HFS",
   "PercentPhaseFOV": 100,
   "PhaseEncodingDirection": "j-",
   "PhaseEncodingSteps": 104,
   "PhaseResolution": 1,
   "PixelBandwidth": 2290,
   "ProcedureStepDescription": "video5_generic",
   "ProtocolName": "func_task-life1",
   "PulseSequenceDetails": "%CustomerSeq%_cmrr_mbep2d_bold",
   "ReceiveCoilActiveElements": "HC1-7;NC1,2",
   "ReceiveCoilName": "HeadNeck_64",
   "ReconMatrixPE": 104,
   "RepetitionTime": 1.49,
   "SAR": 0.0407101,
   "ScanOptions": "FS",
   "ScanningSequence": "EP",
   "SequenceName": "epfid2d1_104",
   "SequenceVariant": "SK_SS",
   "SeriesDescription": "func_task-life1_SBRef",
   "SeriesNumber": 17,
   "ShimSetting": [
      648,
      -7183,
      -8814,
      684,
      137,
      44,
      -6,
      16
   ],
   "SliceThickness": 2,
   "SliceTiming": [
      0,
      0.1,
      0.1975,
      0.295,
      0.3925,
      0.49,
      0.59,
      0.6875,
      0.785,
      0.8825,
      0.98,
      1.08,
      1.1775,
      1.275,
      1.3725,
      1.47,
      1.57,
      1.6675,
      1.765,
      1.8625,
      1.96,
      2.06,
      2.1575,
      2.255,
      2.3525,
      2.45,
      2.5475,
      2.6475,
      2.745,
      2.8425,
      2.94,
      3.0375,
      3.1375,
      3.235,
      3.3325,
      3.43,
      3.5275,
      3.6275,
      3.725,
      3.8225,
      3.92,
      4.0175,
      4.1175,
      4.215,
      4.3125,
      4.41,
      4.5075,
      4.6075,
      4.705,
      4.8025,
      4.9,
      4.9975,
      5.0975,
      5.195,
      5.2925,
      5.39,
      5.4875,
      5.5875,
      5.685,
      5.7825
   ],
   "SoftwareVersions": "syngo_MR_E11",
   "SpacingBetweenSlices": 2,
   "StationName": "MRC35049",
   "TotalReadoutTime": 0.0576811,
   "TxRefAmp": 255.472,
   "WipMemBlock": "a87d2de1-84cf-4ea6-ab70-8af22c8f77f9||Sequence: R016 ve11c/master r/e634e98; Dec 19 2017 11:00:25 by eja",
   "dcmmeta_affine": [
      [
         -1.9906325340270996,
         -0.16086187958717346,
         0.10726310312747955,
         110.94735717773438
      ],
      [
         -0.1828543096780777,
         1.9268500804901123,
         -0.5037988424301147,
         -59.99827575683594
      ],
      [
         0.06281894445419312,
         0.5112459659576416,
         1.9325324296951294,
         -56.706241607666016
      ],
      [
         0.0,
         0.0,
         0.0,
         1.0
      ]
   ],
   "dcmmeta_reorient_transform": [
      [
         0.0,
         -1.0,
         0.0,
         103.0
      ],
      [
         1.0,
         0.0,
         0.0,
         0.0
      ],
      [
         0.0,
         0.0,
         1.0,
         0.0
      ],
      [
         0.0,
         0.0,
         0.0,
         1.0
      ]
   ],
   "dcmmeta_shape": [
      104,
      104,
      60
   ],
   "dcmmeta_slice_dim": 2,
   "dcmmeta_version": 0.6,
   "global": {
      "const": {
         "AcquisitionMatrix": [
            104,
            0,
            0,
            104
         ],
         "AcquisitionNumber": 1,
         "AcquisitionTime": "163642.957500",
         "AngioFlag": "N",
         "BitsAllocated": 16,
         "BitsStored": 16,
         "BodyPartExamined": "BRAIN",
         "Columns": 832,
         "ContentTime": "163754.511000",
         "EchoNumbers": 1,
         "EchoTime": 37.0,
         "EchoTrainLength": 104,
         "FlipAngle": 52.0,
         "HighBit": 15,
         "ImageOrientationPatient": [
            0.99531629179726,
            0.09142715294634,
            0.03140947288755,
            -0.0804309384062,
            0.96342501509265,
            -0.2556229732258
         ],
         "ImagePositionPatient": [
            -760.41512318331,
            -906.39965525192,
            159.17951861874
         ],
         "ImageType": [
            "ORIGINAL",
            "PRIMARY",
            "M",
            "ND",
            "MOSAIC"
         ],
         "ImagedNucleus": "1H",
         "ImagingFrequency": 123.259452,
         "InPlanePhaseEncodingDirection": "COL",
         "InstanceCreationTime": "163754.511000",
         "InstanceNumber": 1,
         "LargestImagePixelValue": 64961,
         "MRAcquisitionType": "2D",
         "MagneticFieldStrength": 3.0,
         "Manufacturer": "SIEMENS",
         "ManufacturerModelName": "Prisma_fit",
         "Modality": "MR",
         "NumberOfAverages": 1.0,
         "NumberOfPhaseEncodingSteps": 104,
         "PercentPhaseFieldOfView": 100.0,
         "PercentSampling": 100.0,
         "PerformedProcedureStepStartTime": "155015.894000",
         "PhotometricInterpretation": "MONOCHROME2",
         "PixelBandwidth": 2290.0,
         "PixelRepresentation": 0,
         "PixelSpacing": [
            2.0,
            2.0
         ],
         "ProtocolName": "func_task-life1",
         "RepetitionTime": 1490.0,
         "Rows": 832,
         "SAR": 0.04071011885621,
         "SamplesPerPixel": 1,
         "ScanOptions": "FS",
         "ScanningSequence": "EP",
         "SequenceName": "epfid2d1_104",
         "SequenceVariant": [
            "SK",
            "SS"
         ],
         "SeriesDescription": "func_task-life1_SBRef",
         "SeriesNumber": 17,
         "SeriesTime": "163754.507000",
         "SliceLocation": -33.72951435329,
         "SliceThickness": 2.0,
         "SmallestImagePixelValue": 0,
         "SoftwareVersions": "syngo MR E11",
         "SpacingBetweenSlices": 2.0000000148802,
         "SpecificCharacterSet": "ISO_IR 100",
         "StudyID": "1",
         "StudyTime": "155015.847000",
         "TransmitCoilName": "Body",
         "VariableFlipAngleFlag": "N",
         "WindowCenter": 12421.0,
         "WindowCenterWidthExplanation": "Algo1",
         "WindowWidth": 26369.0,
         "dBdt": 0.0
      },
      "slices": {}
   }
}