{
  "AcquisitionMatrixPE": 104,
  "AcquisitionNumber": 1,
  "AcquisitionTime": "12:02:46.252500",
  "BandwidthPerPixelPhaseEncode": 17.17,
  "BaseResolution": 104,
  "BodyPartExamined": "BRAIN",
  "CoilString": "HC1-7;NC1_2",
  "ConsistencyInfo": "N4_VE11C_LATEST_20160120",
  "ConversionSoftware": "dcm2niix",
  "ConversionSoftwareVersion": "v1.0.20190720  (JP2:OpenJPEG) GCC7.3.0",
  "DerivedVendorReportedEchoSpacing": 0.000560011,
  "DeviceSerialNumber": "167006",
  "DwellTime": 2.1e-06,
  "EchoTime": 0.037,
  "EchoTrainLength": 104,
  "EffectiveEchoSpacing": 0.000560011,
  "FlipAngle": 52,
  "ImageComments": "Single-band_reference",
  "ImageOrientationPatientDICOM": [
    0.998015,
    0.00258791,
    -0.0629288,
    -0.0121936,
    0.98819,
    -0.152745
  ],
  "ImageType": [
    "ORIGINAL",
    "PRIMARY",
    "M",
    "ND",
    "MOSAIC"
  ],
  "ImagingFrequency": 123.259,
  "InPlanePhaseEncodingDirectionDICOM": "COL",
  "InstitutionAddress": "Chemin_Queen-Mary_4565_Montreal_District_CA_H3W_1W5",
  "InstitutionName": "IUGM",
  "InstitutionalDepartmentName": "Department",
  "IntendedFor": [
    "ses-011/func/sub-04_ses-011_task-figures07_run-02_bold.nii.gz",
    "ses-011/func/sub-04_ses-011_task-figures08_run-02_bold.nii.gz",
    "ses-011/func/sub-04_ses-011_task-figures09_run-02_bold.nii.gz"
  ],
  "MRAcquisitionType": "2D",
  "MagneticFieldStrength": 3,
  "Manufacturer": "Siemens",
  "ManufacturersModelName": "Prisma_fit",
  "Modality": "MR",
  "PartialFourier": 1,
  "PatientPosition": "HFS",
  "PercentPhaseFOV": 100,
  "PhaseEncodingDirection": "j",
  "PhaseEncodingSteps": 104,
  "PhaseResolution": 1,
  "PixelBandwidth": 2290,
  "ProcedureStepDescription": "video5_generic",
  "ProtocolName": "func_task-figures7",
  "PulseSequenceDetails": "%CustomerSeq%_cmrr_mbep2d_bold",
  "ReceiveCoilActiveElements": "HC1-7;NC1,2",
  "ReceiveCoilName": "HeadNeck_64",
  "ReconMatrixPE": 104,
  "RepetitionTime": 1.49,
  "SAR": 0.03427,
  "ScanOptions": "FS",
  "ScanningSequence": "EP",
  "SequenceName": "epfid2d1_104",
  "SequenceVariant": "SK_SS",
  "SeriesDescription": "func_task-figures7_SBRef",
  "SeriesNumber": 8,
  "ShimSetting": [
    591,
    -7255,
    -8836,
    554,
    -76,
    -317,
    22,
    55
  ],
  "SliceThickness": 2,
  "SliceTiming": [
    0,
    0.0975,
    0.195,
    0.295,
    0.3925,
    0.49,
    0.5875,
    0.685,
    0.785,
    0.8825,
    0.98,
    1.0775,
    1.175,
    1.275,
    1.3725,
    1.47,
    1.5675,
    1.665,
    1.765,
    1.8625,
    1.96,
    2.0575,
    2.155,
    2.2525,
    2.3525,
    2.45,
    2.5475,
    2.645,
    2.7425,
    2.8425,
    2.94,
    3.0375,
    3.135,
    3.2325,
    3.3325,
    3.43,
    3.5275,
    3.625,
    3.7225,
    3.8225,
    3.92,
    4.0175,
    4.115,
    4.2125,
    4.3125,
    4.41,
    4.5075,
    4.605,
    4.7025,
    4.8025,
    4.9,
    4.9975,
    5.095,
    5.1925,
    5.2925,
    5.39,
    5.4875,
    5.585,
    5.6825,
    5.7825
  ],
  "SoftwareVersions": "syngo_MR_E11",
  "SpacingBetweenSlices": 2,
  "StationName": "MRC35049",
  "TotalReadoutTime": 0.0576811,
  "TxRefAmp": 219.364,
  "WipMemBlock": "c1cc5dec-b60b-4cdf-b7ec-5c14968c33b8||Sequence: R016 ve11c/master r/e634e98; Dec 19 2017 11:00:25 by eja",
  "dcmmeta_affine": [
    [
      -1.9960293769836426,
      -0.024387218058109283,
      -0.12358064949512482,
      105.35670471191406
    ],
    [
      -0.005175814498215914,
      1.9763808250427246,
      -0.30641812086105347,
      -85.08367156982422
    ],
    [
      -0.12585756182670593,
      0.3054899573326111,
      1.972520112991333,
      -42.593284606933594
    ],
    [
      0.0,
      0.0,
      0.0,
      1.0
    ]
  ],
  "dcmmeta_reorient_transform": [
    [
      0.0,
      -1.0,
      0.0,
      103.0
    ],
    [
      1.0,
      0.0,
      0.0,
      0.0
    ],
    [
      0.0,
      0.0,
      1.0,
      0.0
    ],
    [
      0.0,
      0.0,
      0.0,
      1.0
    ]
  ],
  "dcmmeta_shape": [
    104,
    104,
    60
  ],
  "dcmmeta_slice_dim": 2,
  "dcmmeta_version": 0.6,
  "global": {
    "const": {
      "AcquisitionMatrix": [
        104,
        0,
        0,
        104
      ],
      "AcquisitionNumber": 1,
      "AcquisitionTime": "120246.252500",
      "AngioFlag": "N",
      "BitsAllocated": 16,
      "BitsStored": 16,
      "BodyPartExamined": "BRAIN",
      "Columns": 832,
      "ContentTime": "120409.830000",
      "EchoNumbers": 1,
      "EchoTime": 37.0,
      "EchoTrainLength": 104,
      "FlipAngle": 52.0,
      "HighBit": 15,
      "ImageOrientationPatient": [
        0.99801466498993,
        0.00258790724411,
        -0.0629287787991,
        -0.0121936088036,
        0.9881904097345,
        -0.152744983594
      ],
      "ImagePositionPatient": [
        -820.52255243613,
        -839.77016855952,
        145.88268227998
      ],
      "ImageType": [
        "ORIGINAL",
        "PRIMARY",
        "M",
        "ND",
        "MOSAIC"
      ],
      "ImagedNucleus": "1H",
      "ImagingFrequency": 123.25921,
      "InPlanePhaseEncodingDirection": "COL",
      "InstanceCreationTime": "120409.830000",
      "InstanceNumber": 1,
      "LargestImagePixelValue": 63841,
      "MRAcquisitionType": "2D",
      "MagneticFieldStrength": 3.0,
      "Manufacturer": "SIEMENS",
      "ManufacturerModelName": "Prisma_fit",
      "Modality": "MR",
      "NumberOfAverages": 1.0,
      "NumberOfPhaseEncodingSteps": 104,
      "PercentPhaseFieldOfView": 100.0,
      "PercentSampling": 100.0,
      "PerformedProcedureStepStartTime": "113619.367000",
      "PhotometricInterpretation": "MONOCHROME2",
      "PixelBandwidth": 2290.0,
      "PixelRepresentation": 0,
      "PixelSpacing": [
        2.0,
        2.0
      ],
      "ProtocolName": "func_task-figures7",
      "RepetitionTime": 1490.0,
      "Rows": 832,
      "SAR": 0.03426997169342,
      "SamplesPerPixel": 1,
      "ScanOptions": "FS",
      "ScanningSequence": "EP",
      "SequenceName": "epfid2d1_104",
      "SequenceVariant": [
        "SK",
        "SS"
      ],
      "SeriesDescription": "func_task-figures7_SBRef",
      "SeriesNumber": 8,
      "SeriesTime": "120409.826000",
      "SliceLocation": -35.482490755825,
      "SliceThickness": 2.0,
      "SmallestImagePixelValue": 0,
      "SoftwareVersions": "syngo MR E11",
      "SpacingBetweenSlices": 1.9999999969369,
      "SpecificCharacterSet": "ISO_IR 100",
      "StudyID": "1",
      "StudyTime": "113619.296000",
      "TransmitCoilName": "Body",
      "VariableFlipAngleFlag": "N",
      "WindowCenter": 11800.0,
      "WindowCenterWidthExplanation": "Algo1",
      "WindowWidth": 25186.0,
      "dBdt": 0.0
    },
    "slices": {}
  }
}