{
   "AcquisitionMatrixPE": 104,
   "AcquisitionNumber": 1,
   "AcquisitionTime": "13:29:3.852500",
   "BandwidthPerPixelPhaseEncode": 17.17,
   "BaseResolution": 104,
   "BodyPartExamined": "BRAIN",
   "CoilString": "HC1-7;NC1_2",
   "ConsistencyInfo": "N4_VE11C_LATEST_20160120",
   "ConversionSoftware": "dcm2niix",
   "ConversionSoftwareVersion": "v1.0.20190720  (JP2:OpenJPEG) GCC7.3.0",
   "DerivedVendorReportedEchoSpacing": 0.000560011,
   "DeviceSerialNumber": "167006",
   "DwellTime": 2.1e-06,
   "EchoTime": 0.037,
   "EchoTrainLength": 104,
   "EffectiveEchoSpacing": 0.000560011,
   "FlipAngle": 52,
   "ImageComments": "Single-band_reference",
   "ImageOrientationPatientDICOM": [
      0.999317,
      0.0368378,
      -0.00279308,
      -0.0359447,
      0.952056,
      -0.303805
   ],
   "ImageType": [
      "ORIGINAL",
      "PRIMARY",
      "M",
      "ND",
      "MOSAIC"
   ],
   "ImagingFrequency": 123.26,
   "InPlanePhaseEncodingDirectionDICOM": "COL",
   "InstitutionAddress": "Chemin_Queen-Mary_4565_Montreal_District_CA_H3W_1W5",
   "InstitutionName": "IUGM",
   "InstitutionalDepartmentName": "Department",
   "IntendedFor": [
      "ses-002/func/sub-03_ses-002_task-bourne06_bold.nii.gz",
      "ses-002/func/sub-03_ses-002_task-bourne07_bold.nii.gz",
      "ses-002/func/sub-03_ses-002_task-bourne08_bold.nii.gz",
      "ses-002/func/sub-03_ses-002_task-bourne09_bold.nii.gz",
      "ses-002/func/sub-03_ses-002_task-bourne10_bold.nii.gz"
   ],
   "MRAcquisitionType": "2D",
   "MagneticFieldStrength": 3,
   "Manufacturer": "Siemens",
   "ManufacturersModelName": "Prisma_fit",
   "Modality": "MR",
   "PartialFourier": 1,
   "PatientPosition": "HFS",
   "PercentPhaseFOV": 100,
   "PhaseEncodingDirection": "j-",
   "PhaseEncodingSteps": 104,
   "PhaseResolution": 1,
   "PixelBandwidth": 2290,
   "ProcedureStepDescription": "video5_generic",
   "ProtocolName": "func_task-bourne6_SBRef",
   "PulseSequenceDetails": "%CustomerSeq%_cmrr_mbep2d_bold",
   "ReceiveCoilActiveElements": "HC1-7;NC1,2",
   "ReceiveCoilName": "HeadNeck_64",
   "ReconMatrixPE": 104,
   "RepetitionTime": 1.49,
   "SAR": 0.0313813,
   "ScanOptions": "FS",
   "ScanningSequence": "EP",
   "SequenceName": "epfid2d1_104",
   "SequenceVariant": "SK_SS",
   "SeriesDescription": "func_task-bourne6_SBRef",
   "SeriesNumber": 6,
   "ShimSetting": [
      631,
      -7134,
      -8820,
      644,
      58,
      208,
      -10,
      -22
   ],
   "SliceThickness": 2,
   "SliceTiming": [
      0,
      0.0975,
      0.195,
      0.2925,
      0.39,
      0.49,
      0.5875,
      0.685,
      0.7825,
      0.88,
      0.9775,
      1.0775,
      1.175,
      1.2725,
      1.37,
      1.4675,
      1.5675,
      1.665,
      1.7625,
      1.86,
      1.9575,
      2.0575,
      2.155,
      2.2525,
      2.35,
      2.4475,
      2.5475,
      2.645,
      2.7425,
      2.84,
      2.9375,
      3.0375,
      3.135,
      3.2325,
      3.33,
      3.4275,
      3.5275,
      3.625,
      3.7225,
      3.82,
      3.9175,
      4.0175,
      4.115,
      4.2125,
      4.31,
      4.4075,
      4.5075,
      4.605,
      4.7025,
      4.8,
      4.8975,
      4.9975,
      5.095,
      5.1925,
      5.29,
      5.3875,
      5.4875,
      5.585,
      5.6825,
      5.78
   ],
   "SoftwareVersions": "syngo_MR_E11",
   "SpacingBetweenSlices": 2,
   "StationName": "MRC35049",
   "TotalReadoutTime": 0.0576811,
   "TxRefAmp": 211.797,
   "WipMemBlock": "77c0f08b-ea74-48b2-97a4-910617564bd6||Sequence: R016 ve11c/master r/e634e98; Dec 19 2017 11:00:25 by eja",
   "dcmmeta_affine": [
      [
         -1.998634696006775,
         -0.0718894749879837,
         0.017064711079001427,
         110.770263671875
      ],
      [
         -0.07367561757564545,
         1.904111623764038,
         -0.6073969602584839,
         -64.73855590820312
      ],
      [
         -0.005586166866123676,
         0.6076109409332275,
         1.905460000038147,
         -66.33470153808594
      ],
      [
         0.0,
         0.0,
         0.0,
         1.0
      ]
   ],
   "dcmmeta_reorient_transform": [
      [
         0.0,
         -1.0,
         0.0,
         103.0
      ],
      [
         1.0,
         0.0,
         0.0,
         0.0
      ],
      [
         0.0,
         0.0,
         1.0,
         0.0
      ],
      [
         0.0,
         0.0,
         0.0,
         1.0
      ]
   ],
   "dcmmeta_shape": [
      104,
      104,
      60
   ],
   "dcmmeta_slice_dim": 2,
   "dcmmeta_version": 0.6,
   "global": {
      "const": {
         "AcquisitionMatrix": [
            104,
            0,
            0,
            104
         ],
         "AcquisitionNumber": 1,
         "AcquisitionTime": "132903.852500",
         "AngioFlag": "N",
         "BitsAllocated": 16,
         "BitsStored": 16,
         "BodyPartExamined": "BRAIN",
         "Columns": 832,
         "ContentTime": "133033.805000",
         "EchoNumbers": 1,
         "EchoTime": 37.0,
         "EchoTrainLength": 104,
         "FlipAngle": 52.0,
         "HighBit": 15,
         "ImageOrientationPatient": [
            0.99931735432463,
            0.03683780708057,
            -0.0027930834415,
            -0.035944738825,
            0.9520557837452,
            -0.3038054647108
         ],
         "ImagePositionPatient": [
            -804.70090875965,
            -851.29947229727,
            219.45296432224
         ],
         "ImageType": [
            "ORIGINAL",
            "PRIMARY",
            "M",
            "ND",
            "MOSAIC"
         ],
         "ImagedNucleus": "1H",
         "ImagingFrequency": 123.259583,
         "InPlanePhaseEncodingDirection": "COL",
         "InstanceCreationTime": "133033.805000",
         "InstanceNumber": 1,
         "LargestImagePixelValue": 55347,
         "MRAcquisitionType": "2D",
         "MagneticFieldStrength": 3.0,
         "Manufacturer": "SIEMENS",
         "ManufacturerModelName": "Prisma_fit",
         "Modality": "MR",
         "NumberOfAverages": 1.0,
         "NumberOfPhaseEncodingSteps": 104,
         "PercentPhaseFieldOfView": 100.0,
         "PercentSampling": 100.0,
         "PerformedProcedureStepStartTime": "131205.871000",
         "PhotometricInterpretation": "MONOCHROME2",
         "PixelBandwidth": 2290.0,
         "PixelRepresentation": 0,
         "PixelSpacing": [
            2.0,
            2.0
         ],
         "ProtocolName": "func_task-bourne6_SBRef",
         "RepetitionTime": 1490.0,
         "Rows": 832,
         "SAR": 0.0313812751614,
         "SamplesPerPixel": 1,
         "ScanOptions": "FS",
         "ScanningSequence": "EP",
         "SequenceName": "epfid2d1_104",
         "SequenceVariant": [
            "SK",
            "SS"
         ],
         "SeriesDescription": "func_task-bourne6_SBRef",
         "SeriesNumber": 6,
         "SeriesTime": "133033.802000",
         "SliceLocation": -42.592931618968,
         "SliceThickness": 2.0,
         "SmallestImagePixelValue": 0,
         "SoftwareVersions": "syngo MR E11",
         "SpacingBetweenSlices": 1.9999999840921,
         "SpecificCharacterSet": "ISO_IR 100",
         "StudyID": "1",
         "StudyTime": "131205.779000",
         "TransmitCoilName": "Body",
         "VariableFlipAngleFlag": "N",
         "WindowCenter": 11829.0,
         "WindowCenterWidthExplanation": "Algo1",
         "WindowWidth": 25104.0,
         "dBdt": 0.0
      },
      "slices": {}
   }
}