{
   "AcquisitionMatrixPE": 104,
   "AcquisitionNumber": 1,
   "AcquisitionTime": "16:12:29.490000",
   "BandwidthPerPixelPhaseEncode": 17.17,
   "BaseResolution": 104,
   "BodyPartExamined": "BRAIN",
   "CoilString": "HC1-7;NC1_2",
   "ConsistencyInfo": "N4_VE11C_LATEST_20160120",
   "ConversionSoftware": "dcm2niix",
   "ConversionSoftwareVersion": "v1.0.20190720  (JP2:OpenJPEG) GCC7.3.0",
   "DerivedVendorReportedEchoSpacing": 0.000560011,
   "DeviceSerialNumber": "167006",
   "DwellTime": 2.1e-06,
   "EchoTime": 0.037,
   "EchoTrainLength": 104,
   "EffectiveEchoSpacing": 0.000560011,
   "FlipAngle": 52,
   "ImageComments": "Single-band_reference",
   "ImageOrientationPatientDICOM": [
      0.999102,
      0.0341921,
      -0.0250418,
      -0.0397788,
      0.960417,
      -0.275712
   ],
   "ImageType": [
      "ORIGINAL",
      "PRIMARY",
      "M",
      "ND",
      "MOSAIC"
   ],
   "ImagingFrequency": 123.259,
   "InPlanePhaseEncodingDirectionDICOM": "COL",
   "InstitutionAddress": "Chemin_Queen-Mary_4565_Montreal_District_CA_H3W_1W5",
   "InstitutionName": "IUGM",
   "InstitutionalDepartmentName": "Department",
   "IntendedFor": [
      "ses-012/func/sub-03_ses-012_task-figures04_run-02_bold.nii.gz",
      "ses-012/func/sub-03_ses-012_task-figures05_run-02_bold.nii.gz",
      "ses-012/func/sub-03_ses-012_task-figures06_run-02_bold.nii.gz"
   ],
   "MRAcquisitionType": "2D",
   "MagneticFieldStrength": 3,
   "Manufacturer": "Siemens",
   "ManufacturersModelName": "Prisma_fit",
   "Modality": "MR",
   "PartialFourier": 1,
   "PatientPosition": "HFS",
   "PercentPhaseFOV": 100,
   "PhaseEncodingDirection": "j-",
   "PhaseEncodingSteps": 104,
   "PhaseResolution": 1,
   "PixelBandwidth": 2290,
   "ProcedureStepDescription": "video5_generic",
   "ProtocolName": "func_task-figures4",
   "PulseSequenceDetails": "%CustomerSeq%_cmrr_mbep2d_bold",
   "ReceiveCoilActiveElements": "HC1-7;NC1,2",
   "ReceiveCoilName": "HeadNeck_64",
   "ReconMatrixPE": 104,
   "RepetitionTime": 1.49,
   "SAR": 0.0299505,
   "ScanOptions": "FS",
   "ScanningSequence": "EP",
   "SequenceName": "epfid2d1_104",
   "SequenceVariant": "SK_SS",
   "SeriesDescription": "func_task-figures4_SBRef",
   "SeriesNumber": 19,
   "ShimSetting": [
      606,
      -7170,
      -8842,
      648,
      -15,
      114,
      7,
      9
   ],
   "SliceThickness": 2,
   "SliceTiming": [
      0,
      0.0975,
      0.195,
      0.295,
      0.3925,
      0.49,
      0.5875,
      0.685,
      0.785,
      0.8825,
      0.98,
      1.0775,
      1.175,
      1.275,
      1.3725,
      1.47,
      1.5675,
      1.665,
      1.765,
      1.8625,
      1.96,
      2.0575,
      2.155,
      2.2525,
      2.3525,
      2.45,
      2.5475,
      2.645,
      2.7425,
      2.8425,
      2.94,
      3.0375,
      3.135,
      3.2325,
      3.3325,
      3.43,
      3.5275,
      3.625,
      3.7225,
      3.8225,
      3.92,
      4.0175,
      4.115,
      4.2125,
      4.3125,
      4.41,
      4.5075,
      4.605,
      4.7025,
      4.8025,
      4.9,
      4.9975,
      5.095,
      5.1925,
      5.2925,
      5.39,
      5.4875,
      5.585,
      5.6825,
      5.7825
   ],
   "SoftwareVersions": "syngo_MR_E11",
   "SpacingBetweenSlices": 2,
   "StationName": "MRC35049",
   "TotalReadoutTime": 0.0576811,
   "TxRefAmp": 211.245,
   "WipMemBlock": "75fe5dc8-d396-4d84-8268-0fdfaeab17e8||Sequence: R016 ve11c/master r/e634e98; Dec 19 2017 11:00:25 by eja",
   "dcmmeta_affine": [
      [
         -1.9982030391693115,
         -0.07955753058195114,
         -0.02924674190580845,
         113.61133575439453
      ],
      [
         -0.06838425248861313,
         1.9208335876464844,
         -0.5529212951660156,
         -75.11160278320312
      ],
      [
         -0.05008358880877495,
         0.551424503326416,
         1.9218279123306274,
         -69.53142547607422
      ],
      [
         0.0,
         0.0,
         0.0,
         1.0
      ]
   ],
   "dcmmeta_reorient_transform": [
      [
         0.0,
         -1.0,
         0.0,
         103.0
      ],
      [
         1.0,
         0.0,
         0.0,
         0.0
      ],
      [
         0.0,
         0.0,
         1.0,
         0.0
      ],
      [
         0.0,
         0.0,
         0.0,
         1.0
      ]
   ],
   "dcmmeta_shape": [
      104,
      104,
      60
   ],
   "dcmmeta_slice_dim": 2,
   "dcmmeta_version": 0.6,
   "global": {
      "const": {
         "AcquisitionMatrix": [
            104,
            0,
            0,
            104
         ],
         "AcquisitionNumber": 1,
         "AcquisitionTime": "161229.490000",
         "AngioFlag": "N",
         "BitsAllocated": 16,
         "BitsStored": 16,
         "BodyPartExamined": "BRAIN",
         "Columns": 832,
         "ContentTime": "161409.138000",
         "EchoNumbers": 1,
         "EchoTime": 37.0,
         "EchoTrainLength": 104,
         "FlipAngle": 52.0,
         "HighBit": 15,
         "ImageOrientationPatient": [
            0.99910149980912,
            0.03419212795722,
            -0.0250417943629,
            -0.0397787643952,
            0.96041678680031,
            -0.2757122513335
         ],
         "ImagePositionPatient": [
            -803.80386093047,
            -846.80954276796,
            206.21424346082
         ],
         "ImageType": [
            "ORIGINAL",
            "PRIMARY",
            "M",
            "ND",
            "MOSAIC"
         ],
         "ImagedNucleus": "1H",
         "ImagingFrequency": 123.259227,
         "InPlanePhaseEncodingDirection": "COL",
         "InstanceCreationTime": "161409.138000",
         "InstanceNumber": 1,
         "LargestImagePixelValue": 51278,
         "MRAcquisitionType": "2D",
         "MagneticFieldStrength": 3.0,
         "Manufacturer": "SIEMENS",
         "ManufacturerModelName": "Prisma_fit",
         "Modality": "MR",
         "NumberOfAverages": 1.0,
         "NumberOfPhaseEncodingSteps": 104,
         "PercentPhaseFieldOfView": 100.0,
         "PercentSampling": 100.0,
         "PerformedProcedureStepStartTime": "151324.030000",
         "PhotometricInterpretation": "MONOCHROME2",
         "PixelBandwidth": 2290.0,
         "PixelRepresentation": 0,
         "PixelSpacing": [
            2.0,
            2.0
         ],
         "ProtocolName": "func_task-figures4",
         "RepetitionTime": 1490.0,
         "Rows": 832,
         "SAR": 0.02995049651279,
         "SamplesPerPixel": 1,
         "ScanOptions": "FS",
         "ScanningSequence": "EP",
         "SequenceName": "epfid2d1_104",
         "SequenceVariant": [
            "SK",
            "SS"
         ],
         "SeriesDescription": "func_task-figures4_SBRef",
         "SeriesNumber": 19,
         "SeriesTime": "161409.135000",
         "SliceLocation": -47.709695476185,
         "SliceThickness": 2.0,
         "SmallestImagePixelValue": 0,
         "SoftwareVersions": "syngo MR E11",
         "SpacingBetweenSlices": 1.9999999859209,
         "SpecificCharacterSet": "ISO_IR 100",
         "StudyID": "1",
         "StudyTime": "151323.978000",
         "TransmitCoilName": "Body",
         "VariableFlipAngleFlag": "N",
         "WindowCenter": 11489.0,
         "WindowCenterWidthExplanation": "Algo1",
         "WindowWidth": 24225.0,
         "dBdt": 0.0
      },
      "slices": {}
   }
}