{
  "AcquisitionMatrixPE": 104,
  "AcquisitionNumber": 1,
  "AcquisitionTime": "11:11:22.180000",
  "BandwidthPerPixelPhaseEncode": 17.17,
  "BaseResolution": 104,
  "BodyPartExamined": "BRAIN",
  "ConsistencyInfo": "N4_VE11C_LATEST_20160120",
  "ConversionSoftware": "dcm2niix",
  "ConversionSoftwareVersion": "v1.0.20171215 (OpenJPEG build) GCC7.3.0",
  "DerivedVendorReportedEchoSpacing": 0.000560011,
  "DeviceSerialNumber": "167006",
  "DwellTime": 2.1e-06,
  "EchoTime": 0.037,
  "EchoTrainLength": 104,
  "EffectiveEchoSpacing": 0.000560011,
  "FlipAngle": 52,
  "ImageComments": "Unaliased_MB4_PE3_LB",
  "ImageOrientationPatientDICOM": [0.992788, 0.116989, 0.0261901, -0.107676, 0.966195, -0.234252],
  "ImageType": [
    "ORIGINAL",
    "PRIMARY",
    "M",
    "MB",
    "ND",
    "MOSAIC"
],
  "InPlanePhaseEncodingDirectionDICOM": "COL",
  "InstitutionAddress": "Chemin_Queen-Mary_4565_Montreal_District_CA_H3W_1W5",
  "InstitutionName": "IUGM",
  "InstitutionalDepartmentName": "Department",
  "MRAcquisitionType": "2D",
  "MagneticFieldStrength": 3,
  "Manufacturer": "Siemens",
  "ManufacturersModelName": "Prisma_fit",
  "Modality": "MR",
  "MultibandAccelerationFactor": 4,
  "PartialFourier": 1,
  "PatientPosition": "HFS",
  "PercentPhaseFOV": 100,
  "PhaseEncodingDirection": "j-",
  "PhaseEncodingSteps": 104,
  "PhaseResolution": 1,
  "PixelBandwidth": 2290,
  "ProcedureStepDescription": "video5_generic",
  "ProtocolName": "func_task-hiddenfigures2_run-1",
  "PulseSequenceDetails": "%CustomerSeq%_cmrr_mbep2d_bold",
  "ReceiveCoilActiveElements": "HC1-7;NC1,2",
  "ReceiveCoilName": "HeadNeck_64",
  "ReconMatrixPE": 104,
  "RepetitionTime": 1.49,
  "SAR": 0.0397903,
  "ScanOptions": "FS",
  "ScanningSequence": "EP",
  "SequenceName": "epfid2d1_104",
  "SequenceVariant": "SK_SS",
  "SeriesDescription": "func_task-hiddenfigures2_run-1",
  "SeriesNumber": 7,
  "ShimSetting": [643, -7198, -8827, 716, 127, 33, -5, -17],
  "SliceThickness": 2,
  "SliceTiming": [0, 0.7825, 0.0975, 0.88, 0.195, 0.98, 0.2925, 1.0775, 0.39, 1.175, 0.49, 1.2725, 0.5875, 1.37, 0.685, 0, 0.7825, 0.0975, 0.88, 0.195, 0.98, 0.2925, 1.0775, 0.39, 1.175, 0.49, 1.2725, 0.5875, 1.37, 0.685, 0, 0.7825, 0.0975, 0.88, 0.195, 0.98, 0.2925, 1.0775, 0.39, 1.175, 0.49, 1.2725, 0.5875, 1.37, 0.685, 0, 0.7825, 0.0975, 0.88, 0.195, 0.98, 0.2925, 1.0775, 0.39, 1.175, 0.49, 1.2725, 0.5875, 1.37, 0.685],
  "SoftwareVersions": "syngo_MR_E11",
  "SpacingBetweenSlices": 2,
  "StationName": "MRC35049",
  "TaskName": "hiddenfigures2",
  "TotalReadoutTime": 0.0576811,
  "TxRefAmp": 254.285,
  "dcmmeta_affine": [
    [-1.985575556755066, -0.2153518944978714, 0.10541944205760956, 113.57920837402344],
    [-0.23397865891456604, 1.9323890209197998, -0.4594852328300476, -60.47615051269531],
    [0.05238017812371254, 0.46850427985191345, 1.9436460733413696, -58.971500396728516],
    [0.0, 0.0, 0.0, 1.0]
],
  "dcmmeta_reorient_transform": [
    [0.0, -1.0, 0.0, 103.0],
    [1.0, 0.0, 0.0, 0.0],
    [0.0, 0.0, 1.0, 0.0],
    [0.0, 0.0, 0.0, 1.0]
],
  "dcmmeta_shape": [104, 104, 60, 23],
  "dcmmeta_slice_dim": 2,
  "dcmmeta_version": 0.6,
  "global": {
    "const": {
      "AcquisitionMatrix": [104, 0, 0, 104],
      "AngioFlag": "N",
      "BitsAllocated": 16,
      "BitsStored": 16,
      "BodyPartExamined": "BRAIN",
      "Columns": 832,
      "EchoNumbers": 1,
      "EchoTime": 37.0,
      "EchoTrainLength": 104,
      "FlipAngle": 52.0,
      "HighBit": 15,
      "ImageOrientationPatient": [0.99278778005493, 0.11698932840805, 0.0261900899624, -0.1076759444113, 0.96619450692352, -0.2342521414757],
      "ImagePositionPatient": [-735.75938141489, -927.11775112099, 140.75361532344],
      "ImageType": [
        "ORIGINAL",
        "PRIMARY",
        "M",
        "MB",
        "ND",
        "MOSAIC"
],
      "ImagedNucleus": "1H",
      "ImagingFrequency": 123.2594,
      "InPlanePhaseEncodingDirection": "COL",
      "MRAcquisitionType": "2D",
      "MagneticFieldStrength": 3.0,
      "Manufacturer": "SIEMENS",
      "ManufacturerModelName": "Prisma_fit",
      "Modality": "MR",
      "NumberOfAverages": 1.0,
      "NumberOfPhaseEncodingSteps": 104,
      "PercentPhaseFieldOfView": 100.0,
      "PercentSampling": 100.0,
      "PerformedProcedureStepStartTime": "110807.800000",
      "PhotometricInterpretation": "MONOCHROME2",
      "PixelBandwidth": 2290.0,
      "PixelRepresentation": 0,
      "PixelSpacing": [2.0, 2.0],
      "ProtocolName": "func_task-hiddenfigures2_run-1",
      "RepetitionTime": 1490.0,
      "Rows": 832,
      "SAR": 0.03979031884794,
      "SamplesPerPixel": 1,
      "ScanOptions": "FS",
      "ScanningSequence": "EP",
      "SequenceName": "epfid2d1_104",
      "SequenceVariant": [
        "SK",
        "SS"
],
      "SeriesDescription": "func_task-hiddenfigures2_run-1",
      "SeriesNumber": 7,
      "SeriesTime": "111237.799000",
      "SliceLocation": -37.429183907137,
      "SliceThickness": 2.0,
      "SmallestImagePixelValue": 0,
      "SoftwareVersions": "syngo MR E11",
      "SpacingBetweenSlices": 1.9999999863345,
      "SpecificCharacterSet": "ISO_IR 100",
      "StudyID": "1",
      "StudyTime": "110807.696000",
      "TransmitCoilName": "Body",
      "VariableFlipAngleFlag": "N",
      "WindowCenterWidthExplanation": "Algo1",
      "dBdt": 0.0},
    "slices": {}
  },
  "time": {
    "samples": {
      "AcquisitionNumber": [1, 2, 3, 4, 5, 6, 7, 8, 9, 10, 11, 12, 13, 14, 15, 16, 17, 18, 19, 20, 21, 22, 23],
      "AcquisitionTime": ["111122.180000", "111123.670000", "111125.160000", "111126.650000", "111128.140000", "111129.630000", "111131.120000", "111132.610000", "111134.100000", "111135.590000", "111137.080000", "111138.570000", "111140.060000", "111141.550000", "111143.040000", "111144.530000", "111146.020000", "111147.510000", "111149.000000", "111150.490000", "111151.980000", "111153.470000", "111154.960000"],
      "ContentTime": ["111237.803000", "111237.806000", "111237.809000", "111237.812000", "111237.815000", "111237.818000", "111237.821000", "111237.830000", "111237.833000", "111237.836000", "111237.839000", "111237.842000", "111237.845000", "111237.847000", "111237.850000", "111237.853000", "111237.856000", "111237.859000", "111237.861000", "111237.864000", "111237.867000", "111237.870000", "111237.873000"],
      "InstanceCreationTime": ["111237.803000", "111237.806000", "111237.809000", "111237.812000", "111237.815000", "111237.818000", "111237.821000", "111237.830000", "111237.833000", "111237.836000", "111237.839000", "111237.842000", "111237.845000", "111237.847000", "111237.850000", "111237.853000", "111237.856000", "111237.859000", "111237.861000", "111237.864000", "111237.867000", "111237.870000", "111237.873000"],
      "InstanceNumber": [1, 2, 3, 4, 5, 6, 7, 8, 9, 10, 11, 12, 13, 14, 15, 16, 17, 18, 19, 20, 21, 22, 23],
      "LargestImagePixelValue": [42077, 40580, 39997, 40344, 39867, 39590, 39444, 38342, 38566, 38678, 38867, 39028, 38587, 44650, 43422, 44729, 43315, 43177, 43443, 44578, 44038, 44378, 43544],
      "WindowCenter": [10270.0, 10255.0, 10254.0, 10232.0, 10204.0, 10186.0, 10168.0, 10165.0, 10199.0, 10216.0, 10211.0, 10206.0, 10200.0, 10281.0, 10271.0, 10267.0, 10247.0, 10264.0, 10273.0, 10274.0, 10259.0, 10257.0, 10270.0],
      "WindowWidth": [21666.0, 21629.0, 21625.0, 21568.0, 21496.0, 21456.0, 21415.0, 21414.0, 21496.0, 21529.0, 21521.0, 21504.0, 21493.0, 21680.0, 21665.0, 21647.0, 21606.0, 21646.0, 21668.0, 21662.0, 21630.0, 21620.0, 21659.0]
    },
    "slices": {}
  }
}