{
   "AcquisitionMatrixPE": 104,
   "AcquisitionNumber": 1,
   "AcquisitionTime": "18:27:12.640000",
   "BandwidthPerPixelPhaseEncode": 17.17,
   "BaseResolution": 104,
   "BodyPartExamined": "BRAIN",
   "CoilString": "HC1-7;NC1_2",
   "ConsistencyInfo": "N4_VE11C_LATEST_20160120",
   "ConversionSoftware": "dcm2niix",
   "ConversionSoftwareVersion": "v1.0.20190720  (JP2:OpenJPEG) GCC7.3.0",
   "DerivedVendorReportedEchoSpacing": 0.000560011,
   "DeviceSerialNumber": "167006",
   "DwellTime": 2.1e-06,
   "EchoTime": 0.037,
   "EchoTrainLength": 104,
   "EffectiveEchoSpacing": 0.000560011,
   "FlipAngle": 52,
   "ImageComments": "Single-band_reference",
   "ImageOrientationPatientDICOM": [
      0.999464,
      0.00104955,
      -0.0327188,
      -0.0125603,
      0.935283,
      -0.353677
   ],
   "ImageType": [
      "ORIGINAL",
      "PRIMARY",
      "M",
      "ND",
      "MOSAIC"
   ],
   "ImagingFrequency": 123.259,
   "InPlanePhaseEncodingDirectionDICOM": "COL",
   "InstitutionAddress": "Chemin_Queen-Mary_4565_Montreal_District_CA_H3W_1W5",
   "InstitutionName": "IUGM",
   "InstitutionalDepartmentName": "Department",
   "IntendedFor": [
      "ses-001/func/sub-05_ses-001_task-life01_run-01_bold.nii.gz",
      "ses-001/func/sub-05_ses-001_task-life02_run-01_bold.nii.gz",
      "ses-001/func/sub-05_ses-001_task-life03_run-01_bold.nii.gz",
      "ses-001/func/sub-05_ses-001_task-life04_run-01_bold.nii.gz",
      "ses-001/func/sub-05_ses-001_task-life05_run-01_bold.nii.gz"
   ],
   "MRAcquisitionType": "2D",
   "MagneticFieldStrength": 3,
   "Manufacturer": "Siemens",
   "ManufacturersModelName": "Prisma_fit",
   "Modality": "MR",
   "PartialFourier": 1,
   "PatientPosition": "HFS",
   "PercentPhaseFOV": 100,
   "PhaseEncodingDirection": "j",
   "PhaseEncodingSteps": 104,
   "PhaseResolution": 1,
   "PixelBandwidth": 2290,
   "ProcedureStepDescription": "video5_generic",
   "ProtocolName": "func_AP1",
   "PulseSequenceDetails": "%CustomerSeq%_cmrr_mbep2d_bold",
   "ReceiveCoilActiveElements": "HC1-7;NC1,2",
   "ReceiveCoilName": "HeadNeck_64",
   "ReconMatrixPE": 104,
   "RepetitionTime": 1.49,
   "SAR": 0.0287557,
   "ScanOptions": "FS",
   "ScanningSequence": "EP",
   "SequenceName": "epfid2d1_104",
   "SequenceVariant": "SK_SS",
   "SeriesDescription": "func_AP1_SBRef",
   "SeriesNumber": 16,
   "ShimSetting": [
      603,
      -7242,
      -8865,
      348,
      40,
      -405,
      26,
      29
   ],
   "SliceThickness": 2,
   "SliceTiming": [
      0,
      0.0975,
      0.195,
      0.295,
      0.3925,
      0.49,
      0.5875,
      0.685,
      0.785,
      0.8825,
      0.98,
      1.0775,
      1.175,
      1.275,
      1.3725,
      1.47,
      1.5675,
      1.665,
      1.765,
      1.8625,
      1.96,
      2.0575,
      2.155,
      2.255,
      2.3525,
      2.45,
      2.5475,
      2.645,
      2.745,
      2.8425,
      2.94,
      3.0375,
      3.135,
      3.235,
      3.3325,
      3.43,
      3.5275,
      3.625,
      3.725,
      3.8225,
      3.92,
      4.0175,
      4.115,
      4.215,
      4.3125,
      4.41,
      4.5075,
      4.605,
      4.705,
      4.8025,
      4.9,
      4.9975,
      5.095,
      5.1925,
      5.2925,
      5.39,
      5.4875,
      5.585,
      5.6825,
      5.7825
   ],
   "SoftwareVersions": "syngo_MR_E11",
   "SpacingBetweenSlices": 2,
   "StationName": "MRC35049",
   "TotalReadoutTime": 0.0576811,
   "TxRefAmp": 237.192,
   "WipMemBlock": "7619682c-1b0a-4a43-936a-598facd1d9c3||Sequence: R016 ve11c/master r/e634e98; Dec 19 2017 11:00:25 by eja"
}