{
  "AcquisitionMatrixPE": 104,
  "AcquisitionNumber": 1,
  "AcquisitionTime": "10:10:48.255000",
  "BandwidthPerPixelPhaseEncode": 17.17,
  "BaseResolution": 104,
  "BodyPartExamined": "BRAIN",
  "CoilString": "HC1-7;NC1_2",
  "ConsistencyInfo": "N4_VE11C_LATEST_20160120",
  "ConversionSoftware": "dcm2niix",
  "ConversionSoftwareVersion": "v1.0.20190720  (JP2:OpenJPEG) GCC7.3.0",
  "DerivedVendorReportedEchoSpacing": 0.000560011,
  "DeviceSerialNumber": "167006",
  "DwellTime": 2.1e-06,
  "EchoTime": 0.037,
  "EchoTrainLength": 104,
  "EffectiveEchoSpacing": 0.000560011,
  "FlipAngle": 52,
  "ImageComments": "Single-band_reference",
  "ImageOrientationPatientDICOM": [
    0.998598,
    0.0486443,
    -0.0208867,
    -0.0528586,
    0.894486,
    -0.44396
  ],
  "ImageType": [
    "ORIGINAL",
    "PRIMARY",
    "M",
    "ND",
    "MOSAIC"
  ],
  "ImagingFrequency": 123.26,
  "InPlanePhaseEncodingDirectionDICOM": "COL",
  "InstitutionAddress": "Chemin_Queen-Mary_4565_Montreal_District_CA_H3W_1W5",
  "InstitutionName": "IUGM",
  "InstitutionalDepartmentName": "Department",
  "IntendedFor": [
    "ses-006/func/sub-02_ses-006_task-wolf05_bold.nii.gz"
  ],
  "MRAcquisitionType": "2D",
  "MagneticFieldStrength": 3,
  "Manufacturer": "Siemens",
  "ManufacturersModelName": "Prisma_fit",
  "Modality": "MR",
  "PartialFourier": 1,
  "PatientPosition": "HFS",
  "PercentPhaseFOV": 100,
  "PhaseEncodingDirection": "j-",
  "PhaseEncodingSteps": 104,
  "PhaseResolution": 1,
  "PixelBandwidth": 2290,
  "ProcedureStepDescription": "video5_generic",
  "ProtocolName": "func_task-wolf5",
  "PulseSequenceDetails": "%CustomerSeq%_cmrr_mbep2d_bold",
  "ReceiveCoilActiveElements": "HC1-7;NC1,2",
  "ReceiveCoilName": "HeadNeck_64",
  "ReconMatrixPE": 104,
  "RepetitionTime": 1.49,
  "SAR": 0.0367867,
  "ScanOptions": "FS",
  "ScanningSequence": "EP",
  "SequenceName": "epfid2d1_104",
  "SequenceVariant": "SK_SS",
  "SeriesDescription": "func_task-wolf5_SBRef",
  "SeriesNumber": 14,
  "ShimSetting": [
    623,
    -7189,
    -8898,
    395,
    1,
    -132,
    10,
    -30
  ],
  "SliceThickness": 2,
  "SliceTiming": [
    0,
    0.1,
    0.1975,
    0.295,
    0.3925,
    0.49,
    0.59,
    0.6875,
    0.785,
    0.8825,
    0.98,
    1.08,
    1.1775,
    1.275,
    1.3725,
    1.47,
    1.57,
    1.6675,
    1.765,
    1.8625,
    1.96,
    2.06,
    2.1575,
    2.255,
    2.3525,
    2.45,
    2.55,
    2.6475,
    2.745,
    2.8425,
    2.94,
    3.04,
    3.1375,
    3.235,
    3.3325,
    3.43,
    3.5275,
    3.6275,
    3.725,
    3.8225,
    3.92,
    4.0175,
    4.1175,
    4.215,
    4.3125,
    4.41,
    4.5075,
    4.6075,
    4.705,
    4.8025,
    4.9,
    4.9975,
    5.0975,
    5.195,
    5.2925,
    5.39,
    5.4875,
    5.5875,
    5.685,
    5.7825
  ],
  "SoftwareVersions": "syngo_MR_E11",
  "SpacingBetweenSlices": 2,
  "StationName": "MRC35049",
  "TotalReadoutTime": 0.0576811,
  "TxRefAmp": 250.821,
  "WipMemBlock": "94fc1430-f4d2-4fbc-8df2-3cc3f75e73b9||Sequence: R016 ve11c/master r/e634e98; Dec 19 2017 11:00:25 by eja",
  "dcmmeta_affine": [
    [
      -1.9971954822540283,
      -0.10571722686290741,
      0.005826470907777548,
      110.60844421386719
    ],
    [
      -0.09728856384754181,
      1.7889727354049683,
      -0.8888822793960571,
      -49.29227066040039
    ],
    [
      -0.04177338629961014,
      0.8879192471504211,
      1.7916066646575928,
      -98.99451446533203
    ],
    [
      0.0,
      0.0,
      0.0,
      1.0
    ]
  ],
  "dcmmeta_reorient_transform": [
    [
      0.0,
      -1.0,
      0.0,
      103.0
    ],
    [
      1.0,
      0.0,
      0.0,
      0.0
    ],
    [
      0.0,
      0.0,
      1.0,
      0.0
    ],
    [
      0.0,
      0.0,
      0.0,
      1.0
    ]
  ],
  "dcmmeta_shape": [
    104,
    104,
    60
  ],
  "dcmmeta_slice_dim": 2,
  "dcmmeta_version": 0.6,
  "global": {
    "const": {
      "AcquisitionMatrix": [
        104,
        0,
        0,
        104
      ],
      "AcquisitionNumber": 1,
      "AcquisitionTime": "101048.255000",
      "AngioFlag": "N",
      "BitsAllocated": 16,
      "BitsStored": 16,
      "BodyPartExamined": "BRAIN",
      "Columns": 832,
      "ContentTime": "101222.936000",
      "EchoNumbers": 1,
      "EchoTime": 37.0,
      "EchoTrainLength": 104,
      "FlipAngle": 52.0,
      "HighBit": 15,
      "ImageOrientationPatient": [
        0.99859775685552,
        0.04864428093922,
        -0.0208866927738,
        -0.0528586138958,
        0.89448634279993,
        -0.4439596259587
      ],
      "ImagePositionPatient": [
        -788.21766263646,
        -821.57100860185,
        330.86928653852
      ],
      "ImageType": [
        "ORIGINAL",
        "PRIMARY",
        "M",
        "ND",
        "MOSAIC"
      ],
      "ImagedNucleus": "1H",
      "ImagingFrequency": 123.259616,
      "InPlanePhaseEncodingDirection": "COL",
      "InstanceCreationTime": "101222.936000",
      "InstanceNumber": 1,
      "LargestImagePixelValue": 65535,
      "MRAcquisitionType": "2D",
      "MagneticFieldStrength": 3.0,
      "Manufacturer": "SIEMENS",
      "ManufacturerModelName": "Prisma_fit",
      "Modality": "MR",
      "NumberOfAverages": 1.0,
      "NumberOfPhaseEncodingSteps": 104,
      "PercentPhaseFieldOfView": 100.0,
      "PercentSampling": 100.0,
      "PerformedProcedureStepStartTime": "092414.231000",
      "PhotometricInterpretation": "MONOCHROME2",
      "PixelBandwidth": 2290.0,
      "PixelRepresentation": 0,
      "PixelSpacing": [
        2.0,
        2.0
      ],
      "ProtocolName": "func_task-wolf5",
      "RepetitionTime": 1490.0,
      "Rows": 832,
      "SAR": 0.03678665619623,
      "SamplesPerPixel": 1,
      "ScanOptions": "FS",
      "ScanningSequence": "EP",
      "SequenceName": "epfid2d1_104",
      "SequenceVariant": [
        "SK",
        "SS"
      ],
      "SeriesDescription": "func_task-wolf5_SBRef",
      "SeriesNumber": 14,
      "SeriesTime": "101222.932000",
      "SliceLocation": -66.449875518147,
      "SliceThickness": 2.0,
      "SmallestImagePixelValue": 0,
      "SoftwareVersions": "syngo MR E11",
      "SpacingBetweenSlices": 2.0000000357554,
      "SpecificCharacterSet": "ISO_IR 100",
      "StudyID": "1",
      "StudyTime": "092414.077000",
      "TransmitCoilName": "Body",
      "VariableFlipAngleFlag": "N",
      "WindowCenter": 13420.0,
      "WindowCenterWidthExplanation": "Algo1",
      "WindowWidth": 29147.0,
      "dBdt": 0.0
    },
    "slices": {}
  }
}