{
   "AcquisitionMatrixPE": 104,
   "AcquisitionNumber": 1,
   "AcquisitionTime": "16:39:41.862500",
   "BandwidthPerPixelPhaseEncode": 17.17,
   "BaseResolution": 104,
   "BodyPartExamined": "BRAIN",
   "CoilString": "HC1-7;NC1_2",
   "ConsistencyInfo": "N4_VE11C_LATEST_20160120",
   "ConversionSoftware": "dcm2niix",
   "ConversionSoftwareVersion": "v1.0.20190720  (JP2:OpenJPEG) GCC7.3.0",
   "DerivedVendorReportedEchoSpacing": 0.000560011,
   "DeviceSerialNumber": "167006",
   "DwellTime": 2.1e-06,
   "EchoTime": 0.037,
   "EchoTrainLength": 104,
   "EffectiveEchoSpacing": 0.000560011,
   "FlipAngle": 52,
   "ImageComments": "Single-band_reference",
   "ImageOrientationPatientDICOM": [
      0.993783,
      0.105382,
      0.0359193,
      -0.0930652,
      0.963367,
      -0.251522
   ],
   "ImageType": [
      "ORIGINAL",
      "PRIMARY",
      "M",
      "ND",
      "MOSAIC"
   ],
   "ImagingFrequency": 123.259,
   "InPlanePhaseEncodingDirectionDICOM": "COL",
   "InstitutionAddress": "Chemin_Queen-Mary_4565_Montreal_District_CA_H3W_1W5",
   "InstitutionName": "IUGM",
   "InstitutionalDepartmentName": "Department",
   "IntendedFor": [
      "ses-012/func/sub-01_ses-012_task-figures09_run-02_bold.nii.gz",
      "ses-012/func/sub-01_ses-012_task-figures10_run-02_bold.nii.gz"
   ],
   "MRAcquisitionType": "2D",
   "MagneticFieldStrength": 3,
   "Manufacturer": "Siemens",
   "ManufacturersModelName": "Prisma_fit",
   "Modality": "MR",
   "PartialFourier": 1,
   "PatientPosition": "HFS",
   "PercentPhaseFOV": 100,
   "PhaseEncodingDirection": "j-",
   "PhaseEncodingSteps": 104,
   "PhaseResolution": 1,
   "PixelBandwidth": 2290,
   "ProcedureStepDescription": "video5_generic",
   "ProtocolName": "func_task-figures10_SBRef",
   "PulseSequenceDetails": "%CustomerSeq%_cmrr_mbep2d_bold",
   "ReceiveCoilActiveElements": "HC1-7;NC1,2",
   "ReceiveCoilName": "HeadNeck_64",
   "ReconMatrixPE": 104,
   "RepetitionTime": 1.49,
   "SAR": 0.0378707,
   "ScanOptions": "FS",
   "ScanningSequence": "EP",
   "SequenceName": "epfid2d1_104",
   "SequenceVariant": "SK_SS",
   "SeriesDescription": "func_task-figures10_SBRef",
   "SeriesNumber": 22,
   "ShimSetting": [
      638,
      -7206,
      -8852,
      703,
      140,
      -13,
      27,
      -16
   ],
   "SliceThickness": 2,
   "SliceTiming": [
      0,
      0.1,
      0.1975,
      0.295,
      0.3925,
      0.49,
      0.59,
      0.6875,
      0.785,
      0.8825,
      0.98,
      1.08,
      1.1775,
      1.275,
      1.3725,
      1.47,
      1.57,
      1.6675,
      1.765,
      1.8625,
      1.96,
      2.06,
      2.1575,
      2.255,
      2.3525,
      2.45,
      2.55,
      2.6475,
      2.745,
      2.8425,
      2.94,
      3.04,
      3.1375,
      3.235,
      3.3325,
      3.43,
      3.53,
      3.6275,
      3.725,
      3.8225,
      3.92,
      4.0175,
      4.1175,
      4.215,
      4.3125,
      4.41,
      4.5075,
      4.6075,
      4.705,
      4.8025,
      4.9,
      4.9975,
      5.0975,
      5.195,
      5.2925,
      5.39,
      5.4875,
      5.5875,
      5.685,
      5.7825
   ],
   "SoftwareVersions": "syngo_MR_E11",
   "SpacingBetweenSlices": 2,
   "StationName": "MRC35049",
   "TotalReadoutTime": 0.0576811,
   "TxRefAmp": 249.336,
   "WipMemBlock": "f3553ff4-93fe-4863-b6b0-ff082f4e2e9e||Sequence: R016 ve11c/master r/e634e98; Dec 19 2017 11:00:25 by eja"
}
