{
  "AcquisitionMatrixPE": 104,
  "AcquisitionNumber": 1,
  "AcquisitionTime": "15:43:31.740000",
  "BandwidthPerPixelPhaseEncode": 17.17,
  "BaseResolution": 104,
  "BodyPartExamined": "BRAIN",
  "CoilString": "HC1-7;NC1_2",
  "ConsistencyInfo": "N4_VE11C_LATEST_20160120",
  "ConversionSoftware": "dcm2niix",
  "ConversionSoftwareVersion": "v1.0.20190720  (JP2:OpenJPEG) GCC7.3.0",
  "DerivedVendorReportedEchoSpacing": 0.000560011,
  "DeviceSerialNumber": "167006",
  "DwellTime": 2.1e-06,
  "EchoTime": 0.037,
  "EchoTrainLength": 104,
  "EffectiveEchoSpacing": 0.000560011,
  "FlipAngle": 52,
  "ImageComments": "Single-band_reference",
  "ImageOrientationPatientDICOM": [
    0.999139,
    0.0414933,
    7.93106e-05,
    -0.0403042,
    0.970957,
    -0.235835
  ],
  "ImageType": [
    "ORIGINAL",
    "PRIMARY",
    "M",
    "ND",
    "MOSAIC"
  ],
  "ImagingFrequency": 123.259,
  "InPlanePhaseEncodingDirectionDICOM": "COL",
  "InstitutionAddress": "Chemin_Queen-Mary_4565_Montreal_District_CA_H3W_1W5",
  "InstitutionName": "IUGM",
  "InstitutionalDepartmentName": "Department",
  "IntendedFor": [
    "ses-013/func/sub-03_ses-013_task-figures10_run-02_bold.nii.gz"
  ],
  "MRAcquisitionType": "2D",
  "MagneticFieldStrength": 3,
  "Manufacturer": "Siemens",
  "ManufacturersModelName": "Prisma_fit",
  "Modality": "MR",
  "PartialFourier": 1,
  "PatientPosition": "HFS",
  "PercentPhaseFOV": 100,
  "PhaseEncodingDirection": "j-",
  "PhaseEncodingSteps": 104,
  "PhaseResolution": 1,
  "PixelBandwidth": 2290,
  "ProcedureStepDescription": "video5_generic",
  "ProtocolName": "func_task-figures4",
  "PulseSequenceDetails": "%CustomerSeq%_cmrr_mbep2d_bold",
  "ReceiveCoilActiveElements": "HC1-7;NC1,2",
  "ReceiveCoilName": "HeadNeck_64",
  "ReconMatrixPE": 104,
  "RepetitionTime": 1.49,
  "SAR": 0.0298577,
  "ScanOptions": "FS",
  "ScanningSequence": "EP",
  "SequenceName": "epfid2d1_104",
  "SequenceVariant": "SK_SS",
  "SeriesDescription": "func_task-figures4_SBRef",
  "SeriesNumber": 14,
  "ShimSetting": [
    638,
    -7221,
    -8808,
    706,
    83,
    -59,
    26,
    4
  ],
  "SliceThickness": 2,
  "SliceTiming": [
    0,
    0.0975,
    0.195,
    0.2925,
    0.39,
    0.49,
    0.5875,
    0.685,
    0.7825,
    0.88,
    0.98,
    1.0775,
    1.175,
    1.2725,
    1.37,
    1.47,
    1.5675,
    1.665,
    1.7625,
    1.86,
    1.96,
    2.0575,
    2.155,
    2.2525,
    2.35,
    2.45,
    2.5475,
    2.645,
    2.7425,
    2.84,
    2.94,
    3.0375,
    3.135,
    3.2325,
    3.33,
    3.43,
    3.5275,
    3.625,
    3.7225,
    3.82,
    3.92,
    4.0175,
    4.115,
    4.2125,
    4.31,
    4.41,
    4.5075,
    4.605,
    4.7025,
    4.8,
    4.8975,
    4.9975,
    5.095,
    5.1925,
    5.29,
    5.3875,
    5.4875,
    5.585,
    5.6825,
    5.78
  ],
  "SoftwareVersions": "syngo_MR_E11",
  "SpacingBetweenSlices": 2,
  "StationName": "MRC35049",
  "TotalReadoutTime": 0.0576811,
  "TxRefAmp": 209.038,
  "WipMemBlock": "6f200e9d-100a-4271-a511-11f99f14f124||Sequence: R016 ve11c/master r/e634e98; Dec 19 2017 11:00:25 by eja",
  "dcmmeta_affine": [
    [
      -1.9982775449752808,
      -0.08060846477746964,
      0.01972513645887375,
      110.44623565673828
    ],
    [
      -0.08298663049936295,
      1.9419140815734863,
      -0.47125670313835144,
      -78.23013305664062
    ],
    [
      0.00015862123109400272,
      0.4716692864894867,
      1.9435864686965942,
      -62.42426681518555
    ],
    [
      0.0,
      0.0,
      0.0,
      1.0
    ]
  ],
  "dcmmeta_reorient_transform": [
    [
      0.0,
      -1.0,
      0.0,
      103.0
    ],
    [
      1.0,
      0.0,
      0.0,
      0.0
    ],
    [
      0.0,
      0.0,
      1.0,
      0.0
    ],
    [
      0.0,
      0.0,
      0.0,
      1.0
    ]
  ],
  "dcmmeta_shape": [
    104,
    104,
    60
  ],
  "dcmmeta_slice_dim": 2,
  "dcmmeta_version": 0.6,
  "global": {
    "const": {
      "AcquisitionMatrix": [
        104,
        0,
        0,
        104
      ],
      "AcquisitionNumber": 1,
      "AcquisitionTime": "154331.740000",
      "AngioFlag": "N",
      "BitsAllocated": 16,
      "BitsStored": 16,
      "BodyPartExamined": "BRAIN",
      "Columns": 832,
      "ContentTime": "154456.123000",
      "EchoNumbers": 1,
      "EchoTime": 37.0,
      "EchoTrainLength": 104,
      "FlipAngle": 52.0,
      "HighBit": 15,
      "ImageOrientationPatient": [
        0.99913877839276,
        0.04149331538524,
        7.931061435e-05,
        -0.0403042337306,
        0.97095704862293,
        -0.2358346422238
      ],
      "ImagePositionPatient": [
        -800.1751138983,
        -858.85088081806,
        157.78755027896
      ],
      "ImageType": [
        "ORIGINAL",
        "PRIMARY",
        "M",
        "ND",
        "MOSAIC"
      ],
      "ImagedNucleus": "1H",
      "ImagingFrequency": 123.259182,
      "InPlanePhaseEncodingDirection": "COL",
      "InstanceCreationTime": "154456.123000",
      "InstanceNumber": 1,
      "LargestImagePixelValue": 56656,
      "MRAcquisitionType": "2D",
      "MagneticFieldStrength": 3.0,
      "Manufacturer": "SIEMENS",
      "ManufacturerModelName": "Prisma_fit",
      "Modality": "MR",
      "NumberOfAverages": 1.0,
      "NumberOfPhaseEncodingSteps": 104,
      "PercentPhaseFieldOfView": 100.0,
      "PercentSampling": 100.0,
      "PerformedProcedureStepStartTime": "145035.744000",
      "PhotometricInterpretation": "MONOCHROME2",
      "PixelBandwidth": 2290.0,
      "PixelRepresentation": 0,
      "PixelSpacing": [
        2.0,
        2.0
      ],
      "ProtocolName": "func_task-figures4",
      "RepetitionTime": 1490.0,
      "Rows": 832,
      "SAR": 0.02985774004122,
      "SamplesPerPixel": 1,
      "ScanOptions": "FS",
      "ScanningSequence": "EP",
      "SequenceName": "epfid2d1_104",
      "SequenceVariant": [
        "SK",
        "SS"
      ],
      "SeriesDescription": "func_task-figures4_SBRef",
      "SeriesNumber": 14,
      "SeriesTime": "154456.119000",
      "SliceLocation": -41.140957653092,
      "SliceThickness": 2.0,
      "SmallestImagePixelValue": 0,
      "SoftwareVersions": "syngo MR E11",
      "SpacingBetweenSlices": 2.0000000527773,
      "SpecificCharacterSet": "ISO_IR 100",
      "StudyID": "1",
      "StudyTime": "145035.631000",
      "TransmitCoilName": "Body",
      "VariableFlipAngleFlag": "N",
      "WindowCenter": 11979.0,
      "WindowCenterWidthExplanation": "Algo1",
      "WindowWidth": 25385.0,
      "dBdt": 0.0
    },
    "slices": {}
  }
}